GIT
  remote: git://github.com/bukalapak/jcrop-rails.git
  revision: 77bce10f6d0a107f77d20597c7599eafac533a7d
  specs:
    jcrop-rails (1.0.3)
      railties (>= 3.0)
      thor (~> 0.14)

GIT
  remote: git://github.com/mkdynamic/omniauth-facebook.git
  revision: 4dbd5f0f40df0366ac6f9b477cfb8e22b4154341
  specs:
    omniauth-facebook (2.0.0.pre1)
      omniauth-oauth2 (~> 1.1)

GIT
  remote: git://github.com/spree/spree.git
  revision: 24388485ed9d2a6f5d5b16e8f1c9528d393d8981
  branch: 2-2-stable
  specs:
    spree (2.2.5.beta)
      spree_api (= 2.2.5.beta)
      spree_backend (= 2.2.5.beta)
      spree_cmd (= 2.2.5.beta)
      spree_core (= 2.2.5.beta)
      spree_frontend (= 2.2.5.beta)
      spree_sample (= 2.2.5.beta)
    spree_api (2.2.5.beta)
      rabl (= 0.9.3)
      spree_core (= 2.2.5.beta)
      versioncake (~> 1.2.0)
    spree_backend (2.2.5.beta)
      jquery-rails (= 3.1.0)
      jquery-ui-rails (~> 4.1.0)
      select2-rails (~> 3.4.7)
      spree_api (= 2.2.5.beta)
      spree_core (= 2.2.5.beta)
    spree_cmd (2.2.5.beta)
      thor (~> 0.14)
    spree_core (2.2.5.beta)
      activemerchant (~> 1.43.1)
      acts_as_list (= 0.3.0)
      awesome_nested_set (~> 3.0.0.rc.3)
      aws-sdk (= 1.27.0)
      cancan (~> 1.6.10)
      deface (~> 1.0.0)
      ffaker (~> 1.16)
      font-awesome-rails (~> 4.0)
      friendly_id (~> 5.0.4)
      highline (~> 1.6.18)
      httparty (~> 0.11)
      json (~> 1.7)
      kaminari (~> 0.15.0)
      monetize
      paperclip (~> 3.4.1)
      paranoia (~> 2.0)
      rails (~> 4.0.6)
      ransack (~> 1.1.0)
      state_machine (= 1.2.0)
      stringex (~> 1.5.1)
      truncate_html (= 0.9.2)
    spree_frontend (2.2.5.beta)
      canonical-rails (~> 0.0.4)
      jquery-rails (= 3.1.0)
      spree_api (= 2.2.5.beta)
      spree_core (= 2.2.5.beta)
      stringex (~> 1.5.1)
    spree_sample (2.2.5.beta)
      spree_core (= 2.2.5.beta)

GIT
  remote: git://github.com/svenfuchs/i18n-active_record.git
  revision: 2d9a22b6a4e5d809782cdbfa65b14d9e47aa27fc
  specs:
    i18n-active_record (0.0.2)
      i18n (>= 0.5.0)

PATH
  remote: vendor/gems/custom_attributes
  specs:
    custom_attributes (0.0.1)
      pg
      rails (~> 4.0.0)

PATH
  remote: vendor/gems/nearme
  specs:
    nearme (0.0.1)
      aws-sdk
      rubyzip (~> 1.1.0)
      thor (~> 0.19.0)

PATH
  remote: vendor/gems/recurring_select
  specs:
    recurring_select (1.2.1)
      coffee-rails (>= 3.1)
      ice_cube (>= 0.11)
      jquery-rails (>= 3.0)
      rails (>= 3.2)
      sass-rails (>= 3.1)

GEM
  remote: http://rubygems.org/
  specs:
    actionmailer (4.0.8)
      actionpack (= 4.0.8)
      mail (~> 2.5.4)
    actionpack (4.0.8)
      activesupport (= 4.0.8)
      builder (~> 3.1.0)
      erubis (~> 2.7.0)
      rack (~> 1.5.2)
      rack-test (~> 0.6.2)
    active_model_serializers (0.8.1)
      activemodel (>= 3.0)
    active_utils (2.2.1)
      activesupport (>= 2.3.11)
      i18n
    activemerchant (1.43.1)
      active_utils (~> 2.0, >= 2.0.1)
      activesupport (>= 2.3.14, < 5.0.0)
      builder (>= 2.1.2, < 4.0.0)
      i18n (~> 0.5)
      json (~> 1.7)
      money (< 7.0.0)
      nokogiri (~> 1.4)
    activemodel (4.0.8)
      activesupport (= 4.0.8)
      builder (~> 3.1.0)
    activerecord (4.0.8)
      activemodel (= 4.0.8)
      activerecord-deprecated_finders (~> 1.0.2)
      activesupport (= 4.0.8)
      arel (~> 4.0.0)
    activerecord-deprecated_finders (1.0.3)
    activesupport (4.0.8)
      i18n (~> 0.6, >= 0.6.9)
      minitest (~> 4.2)
      multi_json (~> 1.3)
      thread_safe (~> 0.1)
      tzinfo (~> 0.3.37)
    acts_as_list (0.3.0)
      activerecord (>= 3.0)
    addressable (2.3.6)
    amatch (0.3.0)
      tins (~> 1.0)
    andand (1.3.3)
    animate (0.1.0)
      compass (>= 0.13.alpha.0)
      sass (>= 3.2.0)
    ansi (1.4.3)
    arel (4.0.2)
    asset_sync (1.0.0)
      activemodel
      fog (>= 1.8.0)
    attr_encrypted (1.3.2)
      encryptor (>= 1.3.0)
    awesome_nested_set (3.0.0.rc.6)
      activerecord (>= 4.0.0, < 5)
    awesome_print (1.2.0)
    aws-sdk (1.27.0)
      json (~> 1.4)
      nokogiri (>= 1.4.4)
      uuidtools (~> 2.1)
    balanced (0.7.4)
      faraday (>= 0.8.6)
      faraday_middleware (~> 0.9.0)
    bcrypt (3.1.7)
    bcrypt-ruby (3.1.5)
      bcrypt (>= 3.1.3)
    bootstrap-sass (2.3.1.3)
      sass (~> 3.2)
    bootstrap-switch-rails (3.3.1)
    braintree (2.36.0)
      builder (>= 2.0.0)
    buftok (0.2.0)
    builder (3.1.4)
    bullet (4.11.3)
      activesupport (>= 3.0.0)
      uniform_notifier (>= 1.6.0)
    byebug (3.1.2)
      columnize (~> 0.8)
      debugger-linecache (~> 1.2)
    cancan (1.6.10)
    canonical-rails (0.0.7)
      rails (>= 3.1, < 5.0)
    capybara (2.2.1)
      mime-types (>= 1.16)
      nokogiri (>= 1.3.3)
      rack (>= 1.0.0)
      rack-test (>= 0.5.4)
      xpath (~> 2.0)
    capybara-screenshot (0.3.19)
      capybara (>= 1.0, < 3)
      launchy
    capybara-webkit (1.0.0)
      capybara (~> 2.0, >= 2.0.2)
      json
    carmen (1.0.1)
      unicode_utils (~> 1.4.0)
    carrierwave (0.10.0)
      activemodel (>= 3.2.0)
      activesupport (>= 3.2.0)
      json (>= 1.7)
      mime-types (>= 1.16)
    chosen-rails (1.1.0)
      coffee-rails (>= 3.2)
      compass-rails (>= 1.1.2)
      railties (>= 3.0)
      sass-rails (>= 3.2)
    chronic (0.9.1)
    chunky_png (1.3.1)
    ckeditor (4.1.0)
      mime-types
      orm_adapter (~> 0.5.0)
    climate_control (0.0.3)
      activesupport (>= 3.0)
    cocaine (0.5.4)
      climate_control (>= 0.0.3, < 1.0)
    codeclimate-test-reporter (0.3.0)
      simplecov (>= 0.7.1, < 1.0.0)
    coderay (1.1.0)
    coffee-rails (4.0.1)
      coffee-script (>= 2.2.0)
      railties (>= 4.0.0, < 5.0)
    coffee-script (2.2.0)
      coffee-script-source
      execjs
    coffee-script-source (1.7.0)
    colorize (0.7.3)
    columnize (0.8.9)
    compass (1.0.0.alpha.19)
      chunky_png (~> 1.2)
      compass-core (~> 1.0.0.alpha.19)
      compass-import-once (~> 1.0.3)
      json
      listen (~> 1.1.0)
      sass (>= 3.3.0, < 3.5)
    compass-core (1.0.0.alpha.20)
      multi_json (~> 1.0)
      sass (>= 3.3.0, < 3.5)
    compass-import-once (1.0.4)
      sass (>= 3.2, < 3.5)
    compass-rails (1.1.7)
      compass (>= 0.12.2)
      sprockets (<= 2.11.0)
    crack (0.4.2)
      safe_yaml (~> 1.0.0)
    crass (0.2.1)
    css_parser (1.3.5)
      addressable
    cucumber (1.2.5)
      builder (>= 2.1.2)
      diff-lcs (>= 1.1.3)
      gherkin (~> 2.11.7)
      multi_json (~> 1.3)
    cucumber-rails (1.4.0)
      capybara (>= 1.1.2)
      cucumber (>= 1.2.0)
      nokogiri (>= 1.5.0)
      rails (>= 3.0.0)
    daemons (1.1.9)
    database_cleaner (1.3.0)
    debugger-linecache (1.2.0)
    deface (1.0.0)
      colorize (>= 0.5.8)
      nokogiri (~> 1.6.0)
      rails (>= 3.1)
    delayed_job (4.0.2)
      activesupport (>= 3.0, < 4.2)
    delayed_job_active_record (4.0.1)
      activerecord (>= 3.0, < 4.2)
      delayed_job (>= 3.0, < 4.1)
    descendants_tracker (0.0.4)
      thread_safe (~> 0.3, >= 0.3.1)
    devise (3.0.4)
      bcrypt-ruby (~> 3.0)
      orm_adapter (~> 0.1)
      railties (>= 3.2.6, < 5)
      warden (~> 1.2.3)
    diff-lcs (1.2.5)
    docile (1.1.5)
    domainatrix (0.0.11)
      addressable
    draper (1.2.1)
      actionpack (>= 3.0)
      activesupport (>= 3.0)
      request_store (~> 1.0.3)
    dropbox-api (0.4.2)
      hashie
      multi_json
      oauth
    email_spec (1.4.0)
      launchy (~> 2.1)
      mail (~> 2.2)
    encryptor (1.3.0)
    equalizer (0.0.9)
    erubis (2.7.0)
    escape (0.0.4)
    ethon (0.7.1)
      ffi (>= 1.3.0)
    eventmachine (1.0.3)
    excon (0.39.5)
    execjs (2.2.1)
    factory_girl (4.4.0)
      activesupport (>= 3.0.0)
    factory_girl_rails (4.4.1)
      factory_girl (~> 4.4.0)
      railties (>= 3.0.0)
    faraday (0.8.9)
      multipart-post (~> 1.2.0)
    faraday_middleware (0.9.1)
      faraday (>= 0.7.4, < 0.10)
    ffaker (1.24.0)
    ffi (1.9.3)
    figaro (0.7.0)
      bundler (~> 1.0)
      rails (>= 3, < 5)
    filepicker-rails (1.2.0)
      rails (>= 3.2)
    fog (1.23.0)
      fog-brightbox
      fog-core (~> 1.23)
      fog-json
      fog-softlayer
      ipaddress (~> 0.5)
      nokogiri (~> 1.5, >= 1.5.11)
    fog-brightbox (0.5.0)
      fog-core (~> 1.22)
      fog-json
      inflecto
    fog-core (1.24.0)
      builder
      excon (~> 0.38)
      formatador (~> 0.2)
      mime-types
      net-scp (~> 1.1)
      net-ssh (>= 2.1.3)
    fog-json (1.0.0)
      multi_json (~> 1.0)
    fog-softlayer (0.3.17)
      fog-core
      fog-json
    font-awesome-rails (4.1.0.0)
      railties (>= 3.2, < 5.0)
    formatador (0.2.5)
    friendly_id (5.0.4)
      activerecord (>= 4.0.0)
    geocoder (1.2.2)
    gherkin (2.11.8)
      multi_json (~> 1.3)
    gibbon (1.1.3)
      httparty
      multi_json (>= 1.3.4)
    googl (0.6.0)
      httparty (>= 0.6.1)
      json (>= 1.4.6)
    haml (4.0.5)
      tilt
    has_scope (0.6.0.rc)
      actionpack (>= 3.2, < 5)
      activesupport (>= 3.2, < 5)
    hashie (1.2.0)
    highline (1.6.21)
    hike (1.2.3)
    historyjs-rails (1.0.1)
      railties (>= 3.0)
    hpricot (0.8.6)
    htmlentities (4.3.2)
    http (0.5.1)
      http_parser.rb
    http_parser.rb (0.6.0)
    httparty (0.13.1)
      json (~> 1.8)
      multi_xml (>= 0.5.2)
    httpclient (2.4.0)
    i18n (0.6.11)
    ice_cube (0.12.1)
    inflecto (0.0.2)
    inherited_resources (1.5.0)
      has_scope (~> 0.6.0.rc)
      responders (~> 1.0)
    instagram (1.1.1)
      faraday (>= 0.7, < 0.10)
      faraday_middleware (>= 0.8, < 0.10)
      hashie (>= 0.4.0)
      multi_json (~> 1.0, >= 1.0.3)
    ipaddress (0.8.0)
    iso_country_codes (0.4.3)
    jquery-rails (3.1.0)
      railties (>= 3.0, < 5.0)
      thor (>= 0.14, < 2.0)
    jquery-ui-rails (4.1.2)
      railties (>= 3.1.0)
    json (1.8.1)
    json_spec (1.1.2)
      multi_json (~> 1.0)
      rspec (>= 2.0, < 4.0)
    jwt (1.0.0)
    kaminari (0.15.1)
      actionpack (>= 3.0.0)
      activesupport (>= 3.0.0)
    kdtree (0.3)
    kgio (2.9.2)
    koala (1.7.0rc1)
      addressable
      faraday
      multi_json
    launchy (2.4.2)
      addressable (~> 2.3)
    le (2.3.9)
    linkedin-oauth2 (0.1.1)
      hashie (>= 1.2, < 2.1)
      multi_json (~> 1.0)
      oauth2 (~> 0.8)
    liquid (2.6.1)
    listen (1.1.6)
      rb-fsevent (>= 0.9.3)
      rb-inotify (>= 0.9)
      rb-kqueue (>= 0.2)
    mail (2.5.4)
      mime-types (~> 1.16)
      treetop (~> 1.4.8)
    mail_view (2.0.4)
      tilt
    maildir (2.1.0)
    mailman (0.7.0)
      activesupport (>= 2.3.4)
      i18n (>= 0.4.1)
      listen (>= 0.4.1)
      mail (>= 2.0.3)
      maildir (>= 0.5.0)
    memoizable (0.4.2)
      thread_safe (~> 0.3, >= 0.3.1)
    metaclass (0.0.4)
    method_source (0.8.2)
    mime-types (1.25.1)
    mini_magick (4.0.1)
    mini_portile (0.6.0)
    minitest (4.7.5)
    mixpanel (4.0.2)
      escape
      json
      rack
    mixpanel_client (4.1.1)
      typhoeus (~> 0.6.7)
    mocha (1.1.0)
      metaclass (~> 0.0.1)
    monetize (0.1.4)
    money (5.1.1)
      i18n (~> 0.6.0)
    money-rails (0.8.1)
      activesupport (>= 3.0)
      money (~> 5.1.0)
      railties (>= 3.0)
    multi_json (1.10.1)
    multi_xml (0.5.5)
    multipart-post (1.2.0)
    nearest_time_zone (0.0.2)
      andand
      kdtree
      require_all
    nested_form (0.3.2)
    net-scp (1.2.1)
      net-ssh (>= 2.6.5)
    net-ssh (2.9.1)
    newrelic_rpm (3.9.0.229)
    nokogiri (1.6.3.1)
      mini_portile (= 0.6.0)
    nokogumbo (1.1.9)
      nokogiri
    non-stupid-digest-assets (1.0.4)
    oauth (0.4.7)
    oauth2 (0.9.4)
      faraday (>= 0.8, < 0.10)
      jwt (~> 1.0)
      multi_json (~> 1.3)
      multi_xml (~> 0.5)
      rack (~> 1.2)
    omniauth (1.2.1)
      hashie (>= 1.2, < 3)
      rack (~> 1.0)
    omniauth-instagram (1.0.1)
      omniauth (~> 1.0)
      omniauth-oauth2 (~> 1.0)
    omniauth-linkedin (0.2.0)
      omniauth-oauth (~> 1.0)
    omniauth-oauth (1.0.1)
      oauth
      omniauth (~> 1.0)
    omniauth-oauth2 (1.1.2)
      faraday (>= 0.8, < 0.10)
      multi_json (~> 1.3)
      oauth2 (~> 0.9.3)
      omniauth (~> 1.2)
    omniauth-twitter (1.0.1)
      multi_json (~> 1.3)
      omniauth-oauth (~> 1.0)
    orm_adapter (0.5.0)
    paper_trail (3.0.0)
      activerecord (>= 3.0, < 5.0)
      activesupport (>= 3.0, < 5.0)
    paperclip (3.4.2)
      activemodel (>= 3.0.0)
      activerecord (>= 3.0.0)
      activesupport (>= 3.0.0)
      cocaine (~> 0.5.0)
      mime-types
    paranoia (2.0.2)
      activerecord (~> 4.0)
    paypal-sdk-adaptivepayments (1.110.0)
      paypal-sdk-core (~> 0.2.3)
    paypal-sdk-core (0.2.10)
      multi_json (~> 1.0)
      xml-simple
    paypal-sdk-rest (0.6.1)
      paypal-sdk-core (~> 0.2.8)
      uuidtools (~> 2.1)
    pg (0.17.1)
    pickle (0.4.11)
      cucumber (>= 0.8)
      rake
    polyamorous (0.6.4)
      activerecord (>= 3.0)
    polyglot (0.3.5)
    premailer (1.8.2)
      css_parser (>= 1.3.5)
      htmlentities (>= 4.0.0)
    premailer-rails (1.7.0)
      actionmailer (>= 3, < 5)
      premailer (~> 1.7, >= 1.7.9)
    pry (0.10.1)
      coderay (~> 1.1.0)
      method_source (~> 0.8.1)
      slop (~> 3.4)
    pry-rails (0.3.2)
      pry (>= 0.9.10)
    quiet_assets (1.0.3)
      railties (>= 3.1, < 5.0)
    rabl (0.9.3)
      activesupport (>= 2.3.14)
    rack (1.5.2)
    rack-mini-profiler (0.9.2)
      rack (>= 1.1.3)
    rack-rewrite (1.5.0)
    rack-test (0.6.2)
      rack (>= 1.0)
    rails (4.0.8)
      actionmailer (= 4.0.8)
      actionpack (= 4.0.8)
      activerecord (= 4.0.8)
      activesupport (= 4.0.8)
      bundler (>= 1.3.0, < 2.0)
      railties (= 4.0.8)
      sprockets-rails (~> 2.1)
    rails-perftest (0.0.5)
    railties (4.0.8)
      actionpack (= 4.0.8)
      activesupport (= 4.0.8)
      rake (>= 0.8.7)
      thor (>= 0.18.1, < 2.0)
    raindrops (0.13.0)
    rake (10.3.2)
    ranked-model (0.4.0)
      activerecord (>= 3.1.12)
    ransack (1.1.0)
      actionpack (>= 3.0)
      activerecord (>= 3.0)
      polyamorous (~> 0.6.0)
    raygun4ruby (1.1.2)
      httparty (~> 0.11)
      json
      rack
    rb-fsevent (0.9.4)
    rb-inotify (0.9.5)
      ffi (>= 0.5.0)
    rb-kqueue (0.2.3)
      ffi (>= 0.5.0)
    rdiscount (2.1.7.1)
    redis (3.1.0)
    redis-actionpack (4.0.0)
      actionpack (~> 4)
      redis-rack (~> 1.5.0)
      redis-store (~> 1.1.0)
    redis-activesupport (4.0.0)
      activesupport (~> 4)
      redis-store (~> 1.1.0)
    redis-rack (1.5.0)
      rack (~> 1.5)
      redis-store (~> 1.1.0)
    redis-rails (4.0.0)
      redis-actionpack (~> 4)
      redis-activesupport (~> 4)
      redis-store (~> 1.1.0)
    redis-store (1.1.4)
      redis (>= 2.2)
    request_store (1.0.6)
    require_all (1.3.2)
    responders (1.1.0)
      railties (>= 3.2, < 5)
    rest-client (1.6.7)
      mime-types (>= 1.16)
    ri_cal (0.8.8)
    rspec (2.14.1)
      rspec-core (~> 2.14.0)
      rspec-expectations (~> 2.14.0)
      rspec-mocks (~> 2.14.0)
    rspec-core (2.14.8)
    rspec-expectations (2.14.5)
      diff-lcs (>= 1.1.3, < 2.0)
    rspec-mocks (2.14.6)
    ruby-prof (0.15.1)
    rubyzip (1.1.6)
    safe_yaml (1.0.3)
    sanitize (3.0.0)
      crass (~> 0.2.0)
      nokogiri (>= 1.4.4)
      nokogumbo (= 1.1.9)
    sass (3.3.9)
    sass-rails (4.0.1)
      railties (>= 4.0.0, < 5.0)
      sass (>= 3.1.10)
      sprockets-rails (~> 2.1)
    select2-rails (3.4.9)
      sass-rails
      thor (~> 0.14)
    shippo (0.0.1)
    shoulda (3.5.0)
      shoulda-context (~> 1.0, >= 1.0.1)
      shoulda-matchers (>= 1.4.1, < 3.0)
    shoulda-context (1.2.1)
    shoulda-matchers (2.6.1)
      activesupport (>= 3.0.0)
    simple_form (3.0.2)
      actionpack (~> 4.0)
      activemodel (~> 4.0)
    simple_oauth (0.2.0)
    simplecov (0.8.2)
      docile (~> 1.1.0)
      multi_json
      simplecov-html (~> 0.8.0)
    simplecov-html (0.8.0)
    simplecov-rcov-text (0.0.3)
    slop (3.6.0)
    spectrum-rails (1.3.4)
      railties (>= 3.1)
    spring (1.1.3)
    sprockets (2.11.0)
      hike (~> 1.2)
      multi_json (~> 1.0)
      rack (~> 1.0)
      tilt (~> 1.1, != 1.3.0)
    sprockets-rails (2.1.3)
      actionpack (>= 3.0)
      activesupport (>= 3.0)
      sprockets (~> 2.8)
    state_machine (1.2.0)
    stringex (1.5.1)
    stripe (1.14.0)
      json (~> 1.8.1)
      mime-types (~> 1.25)
      rest-client (~> 1.4)
    test_after_commit (0.2.4)
      activerecord (>= 3.2)
    thin (1.6.2)
      daemons (>= 1.0.9)
      eventmachine (>= 1.0.0)
      rack (>= 1.0.0)
    thor (0.19.1)
    thread_safe (0.3.4)
    tilt (1.4.1)
    timecop (0.3.5)
    tins (1.3.0)
    treetop (1.4.15)
      polyglot
      polyglot (>= 0.3.1)
    truncate_html (0.9.2)
    turn (0.9.7)
      ansi
      minitest (~> 4)
    twilio-ruby (3.11.5)
      builder (>= 2.1.2)
      jwt (>= 0.1.2)
      multi_json (>= 1.3.0)
    twitter (5.5.1)
      addressable (~> 2.3)
      buftok (~> 0.2.0)
      descendants_tracker (~> 0.0.3)
      equalizer (~> 0.0.9)
      faraday (>= 0.8, < 0.10)
      http (~> 0.5.0)
      http_parser.rb (~> 0.6.0)
      json (~> 1.8)
      memoizable (~> 0.4.0)
      simple_oauth (~> 0.2.0)
    typhoeus (0.6.9)
      ethon (>= 0.7.1)
    tzinfo (0.3.41)
    uglifier (2.1.2)
      execjs (>= 0.3.0)
      multi_json (~> 1.0, >= 1.0.2)
    unicode_utils (1.4.0)
    unicorn (4.8.3)
      kgio (~> 2.6)
      rack
      raindrops (~> 0.7)
    unicorn-worker-killer (0.4.2)
      unicorn (~> 4)
    uniform_notifier (1.6.2)
    useragent (0.10.0)
    uuidtools (2.1.5)
    vcr (2.9.2)
    versioncake (1.2.0)
      actionpack (>= 3.2)
      activesupport (>= 3.2)
      railties (>= 3.2)
      tzinfo
    voight_kampff (0.2.1)
      httpclient (~> 2.2)
      nokogiri (~> 1.6.0)
    warden (1.2.3)
      rack (>= 1.0)
    webmock (1.17.4)
      addressable (>= 2.2.7)
      crack (>= 0.3.2)
    wicked (1.1.0)
      rails (>= 3.0.7)
    will_paginate (3.0.7)
    xml-simple (1.1.4)
    xpath (2.0.0)
      nokogiri (~> 1.3)
    yui-compressor (0.12.0)

PLATFORMS
  ruby

DEPENDENCIES
  active_model_serializers
  activemerchant
  addressable
  amatch
  animate
  asset_sync
  attr_encrypted
  awesome_print
  aws-sdk
  balanced
  bootstrap-sass (~> 2.3.1.0)
  bootstrap-switch-rails
  braintree
  bullet
  byebug
  capybara (= 2.2.1)
  capybara-screenshot
  capybara-webkit (= 1.0.0)
  carmen
  carrierwave
  chosen-rails
  chronic (~> 0.9.1)
  ckeditor
  codeclimate-test-reporter
  coffee-rails
  compass-rails
  cucumber (~> 1.2.5)
  cucumber-rails (~> 1.4.0)
  custom_attributes!
  daemons
  database_cleaner
  delayed_job_active_record (~> 4.0.0)
  devise (~> 3.0.0)
  domainatrix
  draper
  dropbox-api
  email_spec
  factory_girl_rails (~> 4.4.0)
  ffaker (~> 1.16)
  figaro
  filepicker-rails (~> 1.2)
  fog
  friendly_id (~> 5.0.4)
  geocoder
  gibbon
  googl
  haml
  historyjs-rails
  hpricot
  i18n-active_record!
  ice_cube
  inherited_resources (~> 1.5.0)
  instagram
  iso_country_codes
  jcrop-rails!
  jquery-rails (~> 3.1)
  json_spec
  koala (~> 1.7.0rc1)
  launchy
  le
  linkedin-oauth2
  liquid
  mail_view (~> 2)
  mailman
  mini_magick (~> 4.0.1)
  minitest
  mixpanel (= 4.0.2)
  mixpanel_client
  mocha
  money-rails (= 0.8.1)
  nearest_time_zone
  nearme!
  nested_form
  newrelic_rpm
  nokogiri (~> 1.6.0)
  non-stupid-digest-assets
  omniauth
  omniauth-facebook!
  omniauth-instagram
  omniauth-linkedin
  omniauth-twitter
  orm_adapter (~> 0.5.0)
  paper_trail (= 3.0.0)
  paranoia (~> 2.0.0)
  paypal-sdk-adaptivepayments
  paypal-sdk-rest
  pg
  pickle
  premailer-rails
  pry-rails
  quiet_assets
  rack-mini-profiler
  rack-rewrite
  rails (~> 4.0.0)
  rails-perftest
  ranked-model
  raygun4ruby
  rdiscount
  recurring_select!
  redis
  redis-rails (~> 4.0.0)
  rest-client
  ri_cal
  rspec (= 2.14.1)
  ruby-prof
  sanitize
  sass
  sass-rails (~> 4.0.0)
  select2-rails
  shippo
  shoulda
  simple_form (~> 3.0.2)
  simplecov
  simplecov-rcov-text
  spectrum-rails
  spree!
  spring
  sprockets (~> 2.11.0)
  sprockets-rails (~> 2.1)
  state_machine (~> 1.2.0)
  stripe
  test_after_commit
  thin
  timecop (= 0.3.5)
  turn
  twilio-ruby
  twitter (~> 5.2)
  uglifier (~> 2.1.0)
  unicorn
  unicorn-worker-killer
  useragent
  vcr
  voight_kampff
  webmock (= 1.17.4)
  wicked
  will_paginate
  yui-compressor
