GIT
  remote: git://github.com/bukalapak/jcrop-rails.git
  revision: 77bce10f6d0a107f77d20597c7599eafac533a7d
  specs:
    jcrop-rails (1.0.3)
      railties (>= 3.0)
      thor (~> 0.14)

GIT
  remote: git://github.com/mkdynamic/omniauth-facebook.git
  revision: 062d54714838ff692e1a2982e6685ab2a4c19a21
  specs:
    omniauth-facebook (1.6.0)
      omniauth-oauth2 (~> 1.1)

GIT
  remote: git://github.com/svenfuchs/i18n-active_record.git
  revision: 55507cf59f8f2173d38e07e18df0e90d25b1f0f6
  specs:
    i18n-active_record (0.0.2)
      i18n (>= 0.5.0)

GIT
  remote: git://github.com/zencoder/desk.git
  revision: 94eaa714d727c1e27b5cd43cfe8d44b6f7ff64ab
  specs:
    desk (0.3.3)
      faraday (~> 0.8.0)
      faraday_middleware (~> 0.9.0)
      hashie (~> 1.2.0)
      multi_json (~> 1.6)
      multi_xml (~> 0.5)
      pony (~> 1.1)
      rash (~> 0.3.1)
      simple_oauth (~> 0.2.0)

GEM
  remote: http://rubygems.org/
  specs:
    actionmailer (4.0.5)
      actionpack (= 4.0.5)
      mail (~> 2.5.4)
    actionpack (4.0.5)
      activesupport (= 4.0.5)
      builder (~> 3.1.0)
      erubis (~> 2.7.0)
      rack (~> 1.5.2)
      rack-test (~> 0.6.2)
    active_model_serializers (0.6.0)
      activemodel (>= 3.0)
    activemodel (4.0.5)
      activesupport (= 4.0.5)
      builder (~> 3.1.0)
    activerecord (4.0.5)
      activemodel (= 4.0.5)
      activerecord-deprecated_finders (~> 1.0.2)
      activesupport (= 4.0.5)
      arel (~> 4.0.0)
    activerecord-deprecated_finders (1.0.3)
    activesupport (4.0.5)
      i18n (~> 0.6, >= 0.6.9)
      minitest (~> 4.2)
      multi_json (~> 1.3)
      thread_safe (~> 0.1)
      tzinfo (~> 0.3.37)
    addressable (2.3.6)
    amatch (0.2.11)
      tins (~> 0.3)
    andand (1.3.3)
    animate (0.1.0)
      compass (>= 0.13.alpha.0)
      sass (>= 3.2.0)
    ansi (1.4.3)
    arel (4.0.2)
    atomic (1.1.16)
    attr_encrypted (1.3.1)
      encryptor (>= 1.3.0)
    balanced (0.7.4)
      faraday (>= 0.8.6)
      faraday_middleware (~> 0.9.0)
    bcrypt (3.1.7)
    bcrypt-ruby (3.1.5)
      bcrypt (>= 3.1.3)
    bootstrap-sass (2.3.1.3)
      sass (~> 3.2)
    buftok (0.2.0)
    builder (3.1.4)
    bullet (4.7.1)
      activesupport
      uniform_notifier (>= 1.4.0)
    byebug (3.0.0)
      columnize (~> 0.3)
      debugger-linecache (~> 1.2)
    capybara (2.2.1)
      mime-types (>= 1.16)
      nokogiri (>= 1.3.3)
      rack (>= 1.0.0)
      rack-test (>= 0.5.4)
      xpath (~> 2.0)
    capybara-screenshot (0.3.11)
      capybara (>= 1.0, < 3)
    capybara-webkit (1.0.0)
      capybara (~> 2.0, >= 2.0.2)
      json
    carrierwave (0.10.0)
      activemodel (>= 3.2.0)
      activesupport (>= 3.2.0)
    chameleon (0.2.4)
    chosen-rails (0.9.11.2)
      coffee-rails (>= 3.2)
      railties (>= 3.0)
      sass-rails (>= 3.2)
    chronic (0.9.1)
    chunky_png (1.3.0)
    ckeditor (4.0.11)
      mime-types
      orm_adapter (~> 0.5.0)
    codeclimate-test-reporter (0.0.8)
      simplecov (>= 0.7.1, < 1.0.0)
    coffee-rails (4.0.1)
      coffee-script (>= 2.2.0)
      railties (>= 4.0.0, < 5.0)
    coffee-script (2.2.0)
      coffee-script-source
      execjs
    coffee-script-source (1.7.0)
    columnize (0.3.6)
    compass (1.0.0.alpha.19)
      chunky_png (~> 1.2)
      compass-core (~> 1.0.0.alpha.19)
      compass-import-once (~> 1.0.3)
      json
      listen (~> 1.1.0)
      sass (>= 3.3.0, < 3.5)
    compass-core (1.0.0.alpha.19)
      multi_json (~> 1.0)
      sass (>= 3.3.0, < 3.5)
    compass-import-once (1.0.4)
      sass (>= 3.2, < 3.5)
    compass-rails (1.1.7)
      compass (>= 0.12.2)
      sprockets (<= 2.11.0)
    crack (0.4.2)
      safe_yaml (~> 1.0.0)
    css_parser (1.3.5)
      addressable
    cucumber (1.2.5)
      builder (>= 2.1.2)
      diff-lcs (>= 1.1.3)
      gherkin (~> 2.11.7)
      multi_json (~> 1.3)
    cucumber-rails (1.4.0)
      capybara (>= 1.1.2)
      cucumber (>= 1.2.0)
      nokogiri (>= 1.5.0)
      rails (>= 3.0.0)
    daemons (1.1.9)
    database_cleaner (0.9.1)
    debugger-linecache (1.2.0)
    delayed_job (4.0.1)
      activesupport (>= 3.0, < 4.2)
    delayed_job_active_record (4.0.1)
      activerecord (>= 3.0, < 4.2)
      delayed_job (>= 3.0, < 4.1)
    descendants_tracker (0.0.3)
    devise (3.0.4)
      bcrypt-ruby (~> 3.0)
      orm_adapter (~> 0.1)
      railties (>= 3.2.6, < 5)
      warden (~> 1.2.3)
    diff-lcs (1.2.5)
    draper (1.2.1)
      actionpack (>= 3.0)
      activesupport (>= 3.0)
      request_store (~> 1.0.3)
    dropbox-api (0.3.2)
      hashie
      multi_json
      oauth
    email_spec (1.4.0)
      launchy (~> 2.1)
      mail (~> 2.2)
    encryptor (1.3.0)
    equalizer (0.0.7)
    erubis (2.7.0)
    escape (0.0.4)
    ethon (0.5.12)
      ffi (>= 1.3.0)
      mime-types (~> 1.18)
    eventmachine (1.0.0)
    excon (0.25.3)
    execjs (2.0.2)
    ey_config (0.0.6)
    factory_girl (4.4.0)
      activesupport (>= 3.0.0)
    factory_girl_rails (4.4.1)
      factory_girl (~> 4.4.0)
      railties (>= 3.0.0)
    faraday (0.8.8)
      multipart-post (~> 1.2.0)
    faraday_middleware (0.9.0)
      faraday (>= 0.7.4, < 0.9)
    ffaker (1.15.0)
    ffi (1.9.3)
    filepicker-rails (0.1)
      multi_json (~> 1.6)
      railties (>= 3.1.0, < 5.0)
    fog (1.8.0)
      builder
      excon (~> 0.14)
      formatador (~> 0.2.0)
      mime-types
      multi_json (~> 1.0)
      net-scp (~> 1.0.4)
      net-ssh (>= 2.1.3)
      nokogiri (~> 1.5.0)
      ruby-hmac
    formatador (0.2.4)
    friendly_id (5.0.3)
      activerecord (>= 4.0.0)
    geocoder (1.2.0)
    gherkin (2.11.8)
      multi_json (~> 1.3)
    gibbon (0.4.6)
      httparty
      multi_json (>= 1.3.4)
    googl (0.6.0)
      httparty (>= 0.6.1)
      json (>= 1.4.6)
    haml (4.0.5)
      tilt
    has_scope (0.6.0.rc)
      actionpack (>= 3.2, < 5)
      activesupport (>= 3.2, < 5)
    hashie (1.2.0)
    hike (1.2.3)
    historyjs-rails (1.0.1)
      railties (>= 3.0)
    hpricot (0.8.6)
    htmlentities (4.3.1)
    http (0.5.0)
      http_parser.rb
    http_parser.rb (0.6.0)
    httparty (0.12.0)
      json (~> 1.8)
      multi_xml (>= 0.5.2)
    httpauth (0.2.0)
    httpclient (2.3.4.1)
    i18n (0.6.9)
    inherited_resources (1.4.1)
      has_scope (~> 0.6.0.rc)
      responders (~> 1.0.0.rc)
    instagram (0.10.0)
      faraday (>= 0.7, < 0.9)
      faraday_middleware (~> 0.8)
      hashie (>= 0.4.0)
      multi_json (~> 1.0, >= 1.0.3)
    jquery-rails (2.1.4)
      railties (>= 3.0, < 5.0)
      thor (>= 0.14, < 2.0)
    json (1.8.1)
    json_spec (1.1.1)
      multi_json (~> 1.0)
      rspec (~> 2.0)
    jwt (0.1.5)
      multi_json (>= 1.0)
    kdtree (0.3)
    kgio (2.8.0)
    koala (1.7.0rc1)
      addressable
      faraday
      multi_json
    launchy (2.1.2)
      addressable (~> 2.3)
    le (2.1.9)
    linkedin-oauth2 (0.1.1)
      hashie (>= 1.2, < 2.1)
      multi_json (~> 1.0)
      oauth2 (~> 0.8)
    liquid (2.5.0)
    listen (1.1.6)
      rb-fsevent (>= 0.9.3)
      rb-inotify (>= 0.9)
      rb-kqueue (>= 0.2)
    mail (2.5.4)
      mime-types (~> 1.16)
      treetop (~> 1.4.8)
    mail_view (2.0.1)
      tilt
    maildir (2.1.0)
    mailman (0.7.0)
      activesupport (>= 2.3.4)
      i18n (>= 0.4.1)
      listen (>= 0.4.1)
      mail (>= 2.0.3)
      maildir (>= 0.5.0)
    memoizable (0.2.0)
      thread_safe (~> 0.1.3)
    metaclass (0.0.4)
    mime-types (1.25.1)
    mini_magick (3.4)
      subexec (~> 0.2.1)
    minitest (4.7.5)
    mixpanel (4.0.2)
      escape
      json
      rack
    mixpanel_client (3.1.0)
      json (~> 1.6)
      typhoeus (~> 0.5.4)
    mocha (1.0.0)
      metaclass (~> 0.0.1)
    money (5.1.1)
      i18n (~> 0.6.0)
    money-rails (0.8.1)
      activesupport (>= 3.0)
      money (~> 5.1.0)
      railties (>= 3.0)
    multi_json (1.10.0)
    multi_xml (0.5.5)
    multipart-post (1.2.0)
    nearest_time_zone (0.0.2)
      andand
      kdtree
      require_all
    nested_form (0.3.2)
    net-scp (1.0.4)
      net-ssh (>= 1.99.1)
    net-ssh (2.6.3)
    newrelic_rpm (3.5.6.55)
    nokogiri (1.5.11)
    oauth (0.4.7)
    oauth2 (0.8.0)
      faraday (~> 0.8)
      httpauth (~> 0.1)
      jwt (~> 0.1.4)
      multi_json (~> 1.0)
      rack (~> 1.2)
    omniauth (1.2.1)
      hashie (>= 1.2, < 3)
      rack (~> 1.0)
    omniauth-instagram (1.0.1)
      omniauth (~> 1.0)
      omniauth-oauth2 (~> 1.0)
    omniauth-linkedin (0.1.0)
      omniauth-oauth (~> 1.0)
    omniauth-oauth (1.0.1)
      oauth
      omniauth (~> 1.0)
    omniauth-oauth2 (1.1.1)
      oauth2 (~> 0.8.0)
      omniauth (~> 1.0)
    omniauth-twitter (1.0.1)
      multi_json (~> 1.3)
      omniauth-oauth (~> 1.0)
    orm_adapter (0.5.0)
    paper_trail (3.0.1)
      activerecord (>= 3.0, < 5.0)
      activesupport (>= 3.0, < 5.0)
    paranoia (2.0.2)
      activerecord (~> 4.0)
    paypal-sdk-adaptivepayments (1.103.0)
      paypal-sdk-core (~> 0.2.3)
    paypal-sdk-core (0.2.6)
      multi_json (~> 1.0)
      xml-simple
    paypal-sdk-rest (0.6.0)
      paypal-sdk-core (~> 0.2.4)
      uuidtools (~> 2.1)
    pg (0.14.1)
    pickle (0.4.11)
      cucumber (>= 0.8)
      rake
    polyglot (0.3.4)
    pony (1.6.2)
      mail (>= 2.0)
    premailer (1.7.3)
      css_parser (>= 1.1.9)
      htmlentities (>= 4.0.0)
    premailer-rails (1.4.0)
      premailer (~> 1.7)
      rails (>= 3)
    protected_attributes (1.0.7)
      activemodel (>= 4.0.1, < 5.0)
    quiet_assets (1.0.2)
      railties (>= 3.1, < 5.0)
    rack (1.5.2)
    rack-mini-profiler (0.1.31)
      rack (>= 1.1.3)
    rack-rewrite (1.3.3)
    rack-test (0.6.2)
      rack (>= 1.0)
    rails (4.0.5)
      actionmailer (= 4.0.5)
      actionpack (= 4.0.5)
      activerecord (= 4.0.5)
      activesupport (= 4.0.5)
      bundler (>= 1.3.0, < 2.0)
      railties (= 4.0.5)
      sprockets-rails (~> 2.0.0)
    railties (4.0.5)
      actionpack (= 4.0.5)
      activesupport (= 4.0.5)
      rake (>= 0.8.7)
      thor (>= 0.18.1, < 2.0)
    raindrops (0.10.0)
    rake (10.3.1)
    ranked-model (0.3)
      activerecord (>= 3.1.12)
    rash (0.3.2)
      hashie (~> 1.2.0)
    raygun4ruby (1.0.0)
      httparty (~> 0.11)
      json
      rack
    rb-fsevent (0.9.4)
    rb-inotify (0.9.4)
      ffi (>= 0.5.0)
    rb-kqueue (0.2.2)
      ffi (>= 0.5.0)
    rdiscount (1.6.8)
    redis (3.0.7)
    redis-actionpack (4.0.0)
      actionpack (~> 4)
      redis-rack (~> 1.5.0)
      redis-store (~> 1.1.0)
    redis-activesupport (4.0.0)
      activesupport (~> 4)
      redis-store (~> 1.1.0)
    redis-rack (1.5.0)
      rack (~> 1.5)
      redis-store (~> 1.1.0)
    redis-rails (4.0.0)
      redis-actionpack (~> 4)
      redis-activesupport (~> 4)
      redis-store (~> 1.1.0)
    redis-store (1.1.4)
      redis (>= 2.2)
    request_store (1.0.5)
    require_all (1.2.1)
    responders (1.0.0)
      railties (>= 3.2, < 5)
    rest-client (1.6.7)
      mime-types (>= 1.16)
    ri_cal (0.8.8)
    rspec (2.14.1)
      rspec-core (~> 2.14.0)
      rspec-expectations (~> 2.14.0)
      rspec-mocks (~> 2.14.0)
    rspec-core (2.14.4)
    rspec-expectations (2.14.1)
      diff-lcs (>= 1.1.3, < 2.0)
    rspec-mocks (2.14.3)
    ruby-hmac (0.4.0)
    ruby-prof (0.12.2)
    safe_yaml (1.0.2)
    sass (3.3.5)
    sass-rails (4.0.1)
      railties (>= 4.0.0, < 5.0)
      sass (>= 3.1.10)
      sprockets-rails (~> 2.0.0)
    shoulda (3.5.0)
      shoulda-context (~> 1.0, >= 1.0.1)
      shoulda-matchers (>= 1.4.1, < 3.0)
    shoulda-context (1.2.1)
    shoulda-matchers (2.6.0)
      activesupport (>= 3.0.0)
    simple_form (3.0.2)
      actionpack (~> 4.0)
      activemodel (~> 4.0)
    simple_oauth (0.2.0)
    simplecov (0.7.1)
      multi_json (~> 1.0)
      simplecov-html (~> 0.7.1)
    simplecov-html (0.7.1)
    simplecov-rcov-text (0.0.2)
    spectrum-rails (1.1.3)
      railties (>= 3.1)
    sprockets (2.11.0)
      hike (~> 1.2)
      multi_json (~> 1.0)
      rack (~> 1.0)
      tilt (~> 1.1, != 1.3.0)
    sprockets-rails (2.0.1)
      actionpack (>= 3.0)
      activesupport (>= 3.0)
      sprockets (~> 2.8)
    state_machine (1.1.2)
    stripe (1.7.9)
      multi_json (>= 1.0.4, < 2)
      rest-client (~> 1.4)
    subexec (0.2.2)
    test_after_commit (0.2.2)
    thin (1.5.0)
      daemons (>= 1.0.9)
      eventmachine (>= 0.12.6)
      rack (>= 1.0.0)
    thor (0.19.1)
    thread_safe (0.1.3)
      atomic
    tilt (1.4.1)
    timecop (0.3.5)
    tins (0.8.0)
    treetop (1.4.15)
      polyglot
      polyglot (>= 0.3.1)
    turn (0.9.6)
      ansi
    twilio-ruby (3.9.0)
      builder (>= 2.1.2)
      jwt (>= 0.1.2)
      multi_json (>= 1.3.0)
    twitter (5.2.0)
      addressable (~> 2.3)
      buftok (~> 0.2.0)
      descendants_tracker (~> 0.0.1)
      equalizer (~> 0.0.7, != 0.0.8)
      faraday (>= 0.8, < 0.10)
      http (~> 0.5.0)
      http_parser.rb (~> 0.6.0)
      json (~> 1.8)
      memoizable (~> 0.2.0)
      simple_oauth (~> 0.2.0)
    typhoeus (0.5.4)
      ethon (~> 0.5.7)
    tzinfo (0.3.39)
    uglifier (2.1.1)
      execjs (>= 0.3.0)
      multi_json (~> 1.0, >= 1.0.2)
    unicorn (4.5.0)
      kgio (~> 2.6)
      rack
      raindrops (~> 0.7)
    unicorn-worker-killer (0.4.2)
      unicorn (~> 4)
    uniform_notifier (1.4.0)
    useragent (0.6.0)
    uuidtools (2.1.4)
    vcr (2.4.0)
    voight_kampff (0.1.4)
      httpclient (> 2.1.0)
    warden (1.2.3)
      rack (>= 1.0)
    webmock (1.17.4)
      addressable (>= 2.2.7)
      crack (>= 0.3.2)
    will_paginate (3.0.3)
    xml-simple (1.1.2)
    xpath (2.0.0)
      nokogiri (~> 1.3)
    yui-compressor (0.12.0)

PLATFORMS
  ruby

DEPENDENCIES
  active_model_serializers
  addressable
  amatch
  animate
  attr_encrypted
  balanced
  bootstrap-sass (~> 2.3.1.0)
  bullet
  byebug
  capybara (~> 2)
  capybara-screenshot
  capybara-webkit
  carrierwave
  chameleon (~> 0.2.4)
  chosen-rails
  chronic (~> 0.9.1)
  ckeditor
  codeclimate-test-reporter
  coffee-rails
  compass-rails
  cucumber (~> 1.2.5)
  cucumber-rails (~> 1.4.0)
  database_cleaner
  delayed_job_active_record (~> 4.0.0)
  desk!
  devise (~> 3.0.0)
  draper
  dropbox-api
  email_spec
  ey_config
  factory_girl_rails (~> 4.4.0)
  ffaker
  filepicker-rails
  fog
  friendly_id (~> 5.0)
  geocoder
  gibbon
  googl
  haml
  historyjs-rails
  hpricot
  i18n-active_record!
  inherited_resources (~> 1.4.1)
  instagram
  jcrop-rails!
  jquery-rails
  json_spec
  koala (~> 1.7.0rc1)
  le
  linkedin-oauth2
  liquid
  mail_view (~> 2)
  mailman
  mini_magick
  minitest
  mixpanel
  mixpanel_client
  mocha
  money-rails
  nearest_time_zone
  nested_form
  newrelic_rpm
  nokogiri
  omniauth
  omniauth-facebook!
  omniauth-instagram
  omniauth-linkedin
  omniauth-twitter
  orm_adapter (~> 0.5.0)
  paper_trail (~> 3.0.0)
  paranoia (~> 2.0.0)
  paypal-sdk-adaptivepayments
  paypal-sdk-rest
  pg
  pickle
  premailer-rails
  protected_attributes
  quiet_assets
  rack-mini-profiler
  rack-rewrite
  rails (~> 4.0.0)
  ranked-model
  raygun4ruby
  rdiscount
  redis
  redis-rails (~> 4.0.0)
  rest-client
  ri_cal
  ruby-prof
  sass
  sass-rails (~> 4.0.0)
  shoulda
  simple_form (~> 3.0.2)
  simplecov
  simplecov-rcov-text
  spectrum-rails
  sprockets (~> 2.11.0)
  state_machine
  stripe
  test_after_commit
  thin
  timecop
  turn
  twilio-ruby
  twitter (~> 5.2)
  uglifier (~> 2.1.0)
  unicorn
  unicorn-worker-killer
  useragent
  vcr
  voight_kampff
  webmock
  will_paginate
  yui-compressor
