GIT
  remote: git://github.com/mkdynamic/omniauth-facebook.git
  revision: b0f25d21e43304f2a41521ed0f34fae90347ec40
  specs:
    omniauth-facebook (1.4.1)
      omniauth-oauth2 (~> 1.1)

GIT
  remote: https://github.com/Slashek/spork-minitest.git
  revision: 2979d438702cfd089debf6b610b6a736b4c5322d
  specs:
    spork-minitest (1.0.0.beta2)
      spork

GEM
  remote: http://rubygems.org/
  specs:
    actionmailer (3.2.15)
      actionpack (= 3.2.15)
      mail (~> 2.5.4)
    actionpack (3.2.15)
      activemodel (= 3.2.15)
      activesupport (= 3.2.15)
      builder (~> 3.0.0)
      erubis (~> 2.7.0)
      journey (~> 1.0.4)
      rack (~> 1.4.5)
      rack-cache (~> 1.2)
      rack-test (~> 0.6.1)
      sprockets (~> 2.2.1)
    active_model_serializers (0.6.0)
      activemodel (>= 3.0)
    activemodel (3.2.15)
      activesupport (= 3.2.15)
      builder (~> 3.0.0)
    activerecord (3.2.15)
      activemodel (= 3.2.15)
      activesupport (= 3.2.15)
      arel (~> 3.0.2)
      tzinfo (~> 0.3.29)
    activeresource (3.2.15)
      activemodel (= 3.2.15)
      activesupport (= 3.2.15)
    activesupport (3.2.15)
      i18n (~> 0.6, >= 0.6.4)
      multi_json (~> 1.0)
    addressable (2.3.5)
    amatch (0.2.11)
      tins (~> 0.3)
    andand (1.3.3)
    animation (0.1.alpha.3)
      compass (>= 0.12.0)
      sass (>= 3.2.0.alpha.95)
    ansi (1.4.3)
    arel (3.0.2)
    bcrypt-ruby (3.1.1)
    bootstrap-sass (2.3.1.3)
      sass (~> 3.2)
    builder (3.0.4)
    capybara (2.1.0)
      mime-types (>= 1.16)
      nokogiri (>= 1.3.3)
      rack (>= 1.0.0)
      rack-test (>= 0.5.4)
      xpath (~> 2.0)
    capybara-screenshot (0.3.11)
      capybara (>= 1.0, < 3)
    capybara-webkit (1.0.0)
      capybara (~> 2.0, >= 2.0.2)
      json
    carrierwave (0.9.0)
      activemodel (>= 3.2.0)
      activesupport (>= 3.2.0)
    chameleon (0.2.3)
    childprocess (0.3.9)
      ffi (~> 1.0, >= 1.0.11)
    chosen-rails (0.9.11.2)
      coffee-rails (>= 3.2)
      railties (>= 3.0)
      sass-rails (>= 3.2)
    chronic (0.8.0)
    chunky_png (1.2.6)
    codeclimate-test-reporter (0.0.8)
      simplecov (>= 0.7.1, < 1.0.0)
    coderay (1.0.9)
    coffee-rails (3.2.2)
      coffee-script (>= 2.2.0)
      railties (~> 3.2.0)
    coffee-script (2.2.0)
      coffee-script-source
      execjs
    coffee-script-source (1.4.0)
    compass (0.12.2)
      chunky_png (~> 1.2)
      fssm (>= 0.2.7)
      sass (~> 3.1)
    compass-rails (1.0.3)
      compass (>= 0.12.2, < 0.14)
    crack (0.4.1)
      safe_yaml (~> 0.9.0)
    css_parser (1.3.5)
      addressable
    cucumber (1.2.5)
      builder (>= 2.1.2)
      diff-lcs (>= 1.1.3)
      gherkin (~> 2.11.7)
      multi_json (~> 1.3)
    cucumber-rails (1.3.1)
      capybara (>= 1.1.2)
      cucumber (>= 1.2.0)
      nokogiri (>= 1.5.0)
      rails (~> 3.0)
    daemons (1.1.9)
    database_cleaner (0.9.1)
    delayed_job (3.0.5)
      activesupport (~> 3.0)
    delayed_job_active_record (0.4.1)
      activerecord (>= 2.1.0, < 4)
      delayed_job (~> 3.0)
    desk (0.3.3)
      faraday (~> 0.8.0)
      faraday_middleware (~> 0.9.0)
      hashie (~> 1.2.0)
      json (~> 1.7)
      multi_json (~> 1.6)
      multi_xml (~> 0.5)
      pony (~> 1.1)
      rash (~> 0.3.1)
      simple_oauth (~> 0.1.4)
    devise (2.2.4)
      bcrypt-ruby (~> 3.0)
      orm_adapter (~> 0.1)
      railties (~> 3.1)
      warden (~> 1.2.1)
    diff-lcs (1.2.4)
    draper (1.2.1)
      actionpack (>= 3.0)
      activesupport (>= 3.0)
      request_store (~> 1.0.3)
    dropbox-api (0.3.2)
      hashie
      multi_json
      oauth
    email_spec (1.4.0)
      launchy (~> 2.1)
      mail (~> 2.2)
    erubis (2.7.0)
    escape (0.0.4)
    ethon (0.5.12)
      ffi (>= 1.3.0)
      mime-types (~> 1.18)
    eventmachine (1.0.0)
    excon (0.25.3)
    execjs (1.4.0)
      multi_json (~> 1.0)
    ey_config (0.0.6)
    factory_girl (4.1.0)
      activesupport (>= 3.0.0)
    factory_girl_rails (4.1.0)
      factory_girl (~> 4.1.0)
      railties (>= 3.0.0)
    faraday (0.8.4)
      multipart-post (~> 1.1)
    faraday_middleware (0.9.0)
      faraday (>= 0.7.4, < 0.9)
    fastimage (1.5.0)
    ffaker (1.15.0)
    ffi (1.9.0)
    filepicker-rails (0.1)
      multi_json (~> 1.6)
      railties (>= 3.1.0, < 5.0)
    fog (1.8.0)
      builder
      excon (~> 0.14)
      formatador (~> 0.2.0)
      mime-types
      multi_json (~> 1.0)
      net-scp (~> 1.0.4)
      net-ssh (>= 2.1.3)
      nokogiri (~> 1.5.0)
      ruby-hmac
    formatador (0.2.4)
    friendly_id (4.0.9)
    fssm (0.2.9)
    geocoder (1.1.8)
    gherkin (2.11.8)
      multi_json (~> 1.3)
    gibbon (0.4.6)
      httparty
      multi_json (>= 1.3.4)
    googl (0.6.0)
      httparty (>= 0.6.1)
      json (>= 1.4.6)
    guard (1.6.2)
      listen (>= 0.6.0)
      lumberjack (>= 1.0.2)
      pry (>= 0.9.10)
      terminal-table (>= 1.4.3)
      thor (>= 0.14.6)
    guard-cucumber (1.3.2)
      cucumber (>= 1.2.0)
      guard (>= 1.1.0)
    guard-minitest (0.5.0)
      guard (>= 0.4)
    guard-spork (1.4.2)
      childprocess (>= 0.2.3)
      guard (>= 1.1)
      spork (>= 0.8.4)
    haml (3.1.7)
    has_scope (0.5.1)
    hashie (1.2.0)
    hike (1.2.3)
    historyjs-rails (1.0.1)
      railties (>= 3.0)
    hpricot (0.8.6)
    htmlentities (4.3.1)
    httparty (0.11.0)
      multi_json (~> 1.0)
      multi_xml (>= 0.5.2)
    httpauth (0.2.0)
    i18n (0.6.5)
    inherited_resources (1.4.0)
      has_scope (~> 0.5.0)
      responders (~> 0.9)
    jcrop-rails (1.0.3)
      railties (~> 3.0)
      thor (~> 0.14)
    journey (1.0.4)
    jquery-fileupload-rails (0.4.1)
      actionpack (>= 3.1)
      railties (>= 3.1)
    jquery-rails (2.1.4)
      railties (>= 3.0, < 5.0)
      thor (>= 0.14, < 2.0)
    json (1.8.0)
    json_spec (1.1.1)
      multi_json (~> 1.0)
      rspec (~> 2.0)
    jwt (0.1.5)
      multi_json (>= 1.0)
    kdtree (0.3)
    kgio (2.8.0)
    koala (1.7.0rc1)
      addressable
      faraday
      multi_json
    launchy (2.1.2)
      addressable (~> 2.3)
    le (2.1.9)
    linkedin-oauth2 (0.1.1)
      hashie (>= 1.2, < 2.1)
      multi_json (~> 1.0)
      oauth2 (~> 0.8)
    liquid (2.5.0)
    listen (0.7.2)
    lumberjack (1.0.2)
    mail (2.5.4)
      mime-types (~> 1.16)
      treetop (~> 1.4.8)
    mail_view (2.0.1)
      tilt
    metaclass (0.0.1)
    method_source (0.8.1)
    mime-types (1.25)
    mini_magick (3.4)
      subexec (~> 0.2.1)
    minitest (4.3.3)
    mixpanel (4.0.2)
      escape
      json
      rack
    mixpanel_client (3.1.0)
      json (~> 1.6)
      typhoeus (~> 0.5.4)
    mocha (0.13.2)
      metaclass (~> 0.0.1)
    money (5.1.1)
      i18n (~> 0.6.0)
    money-rails (0.8.1)
      activesupport (>= 3.0)
      money (~> 5.1.0)
      railties (>= 3.0)
    multi_json (1.8.2)
    multi_xml (0.5.3)
    multipart-post (1.1.5)
    nearest_time_zone (0.0.2)
      andand
      kdtree
      require_all
    nested_form (0.3.2)
    net-scp (1.0.4)
      net-ssh (>= 1.99.1)
    net-ssh (2.6.3)
    newrelic_rpm (3.5.6.55)
    nokogiri (1.5.10)
    oauth (0.4.7)
    oauth2 (0.8.0)
      faraday (~> 0.8)
      httpauth (~> 0.1)
      jwt (~> 0.1.4)
      multi_json (~> 1.0)
      rack (~> 1.2)
    omniauth (1.1.4)
      hashie (>= 1.2, < 3)
      rack
    omniauth-linkedin-oauth2 (0.1.1)
      omniauth (~> 1.0)
      omniauth-oauth2
    omniauth-oauth (1.0.1)
      oauth
      omniauth (~> 1.0)
    omniauth-oauth2 (1.1.1)
      oauth2 (~> 0.8.0)
      omniauth (~> 1.0)
    omniauth-twitter (0.0.14)
      multi_json (~> 1.3)
      omniauth-oauth (~> 1.0)
    orm_adapter (0.4.0)
    paper_trail (2.7.2)
      activerecord (~> 3.0)
      railties (~> 3.0)
    pg (0.14.1)
    pickle (0.4.11)
      cucumber (>= 0.8)
      rake
    polyglot (0.3.3)
    pony (1.5)
      mail (> 2.0)
    premailer (1.7.3)
      css_parser (>= 1.1.9)
      htmlentities (>= 4.0.0)
    premailer-rails (1.4.0)
      premailer (~> 1.7)
      rails (>= 3)
    pry (0.9.12)
      coderay (~> 1.0.5)
      method_source (~> 0.8)
      slop (~> 3.4)
    quiet_assets (1.0.1)
      railties (~> 3.1)
    rack (1.4.5)
    rack-cache (1.2)
      rack (>= 0.4)
    rack-protection (1.3.2)
      rack
    rack-rewrite (1.3.3)
    rack-ssl (1.3.3)
      rack
    rack-test (0.6.2)
      rack (>= 1.0)
    rails (3.2.15)
      actionmailer (= 3.2.15)
      actionpack (= 3.2.15)
      activerecord (= 3.2.15)
      activeresource (= 3.2.15)
      activesupport (= 3.2.15)
      bundler (~> 1.0)
      railties (= 3.2.15)
    rails3_acts_as_paranoid (0.2.4)
      activerecord (~> 3.2)
    railties (3.2.15)
      actionpack (= 3.2.15)
      activesupport (= 3.2.15)
      rack-ssl (~> 1.3.2)
      rake (>= 0.8.7)
      rdoc (~> 3.4)
      thor (>= 0.14.6, < 2.0)
    raindrops (0.10.0)
    rake (10.1.0)
    ranked-model (0.3)
      activerecord (>= 3.1.12)
    rash (0.3.2)
      hashie (~> 1.2.0)
    raygun4ruby (0.0.5)
      activesupport
      httparty (~> 0.11)
      json
      rack
    rb-fsevent (0.9.3)
    rdiscount (1.6.8)
    rdoc (3.12.2)
      json (~> 1.4)
    redis (3.0.2)
    redis-namespace (1.2.1)
      redis (~> 3.0.0)
    request_store (1.0.5)
    require_all (1.2.1)
    responders (0.9.3)
      railties (~> 3.1)
    resque (1.23.0)
      multi_json (~> 1.0)
      redis-namespace (~> 1.0)
      sinatra (>= 0.9.2)
      vegas (~> 0.1.2)
    rest-client (1.6.7)
      mime-types (>= 1.16)
    ri_cal (0.8.8)
    rspec (2.14.1)
      rspec-core (~> 2.14.0)
      rspec-expectations (~> 2.14.0)
      rspec-mocks (~> 2.14.0)
    rspec-core (2.14.4)
    rspec-expectations (2.14.1)
      diff-lcs (>= 1.1.3, < 2.0)
    rspec-mocks (2.14.3)
    ruby-hmac (0.4.0)
    ruby-prof (0.12.2)
    safe_yaml (0.9.5)
    sass (3.2.3)
    sass-rails (3.2.5)
      railties (~> 3.2.0)
      sass (>= 3.1.10)
      tilt (~> 1.3)
    shoulda (3.5.0)
      shoulda-context (~> 1.0, >= 1.0.1)
      shoulda-matchers (>= 1.4.1, < 3.0)
    shoulda-context (1.1.4)
    shoulda-matchers (2.2.0)
      activesupport (>= 3.0.0)
    simple_form (2.0.4)
      actionpack (~> 3.0)
      activemodel (~> 3.0)
    simple_oauth (0.1.9)
    simplecov (0.7.1)
      multi_json (~> 1.0)
      simplecov-html (~> 0.7.1)
    simplecov-html (0.7.1)
    sinatra (1.3.4)
      rack (~> 1.4)
      rack-protection (~> 1.3)
      tilt (~> 1.3, >= 1.3.3)
    slop (3.4.3)
    spectrum-rails (1.1.3)
      railties (>= 3.1)
    spork (0.9.2)
    sprockets (2.2.2)
      hike (~> 1.2)
      multi_json (~> 1.0)
      rack (~> 1.0)
      tilt (~> 1.1, != 1.3.0)
    state_machine (1.1.2)
    stripe (1.7.9)
      multi_json (>= 1.0.4, < 2)
      rest-client (~> 1.4)
    subexec (0.2.2)
    terminal-table (1.4.5)
    thin (1.5.0)
      daemons (>= 1.0.9)
      eventmachine (>= 0.12.6)
      rack (>= 1.0.0)
    thor (0.18.1)
    tilt (1.4.1)
    timecop (0.3.5)
    tins (0.8.0)
    treetop (1.4.15)
      polyglot
      polyglot (>= 0.3.1)
    turn (0.9.6)
      ansi
    twilio-ruby (3.9.0)
      builder (>= 2.1.2)
      jwt (>= 0.1.2)
      multi_json (>= 1.3.0)
    twitter (4.4.0)
      faraday (~> 0.8)
      multi_json (~> 1.3)
      simple_oauth (~> 0.1.6)
    typhoeus (0.5.4)
      ethon (~> 0.5.7)
    tzinfo (0.3.38)
    uglifier (2.1.1)
      execjs (>= 0.3.0)
      multi_json (~> 1.0, >= 1.0.2)
    unicorn (4.5.0)
      kgio (~> 2.6)
      rack
      raindrops (~> 0.7)
    useragent (0.6.0)
    vcr (2.4.0)
    vegas (0.1.11)
      rack (>= 1.0.0)
    warden (1.2.3)
      rack (>= 1.0)
    webmock (1.13.0)
      addressable (>= 2.2.7)
      crack (>= 0.3.2)
    will_paginate (3.0.3)
    xpath (2.0.0)
      nokogiri (~> 1.3)

PLATFORMS
  ruby

DEPENDENCIES
  active_model_serializers
  addressable
  amatch
  animation
  bootstrap-sass (~> 2.3.1.0)
  capybara (~> 2)
  capybara-screenshot
  capybara-webkit
  carrierwave
  chameleon
  chosen-rails
  chronic
  codeclimate-test-reporter
  coffee-rails
  compass-rails
  cucumber (~> 1.2.5)
  cucumber-rails
  database_cleaner
  delayed_job_active_record
  desk
  devise (~> 2.2)
  draper
  dropbox-api
  email_spec
  ey_config
  factory_girl_rails (>= 3.0.0)
  fastimage
  ffaker
  filepicker-rails
  fog
  friendly_id
  geocoder
  gibbon
  googl
  guard-cucumber
  guard-minitest
  guard-spork
  haml
  historyjs-rails
  hpricot
  inherited_resources
  jcrop-rails
  jquery-fileupload-rails
  jquery-rails
  json_spec
  koala (~> 1.7.0rc1)
  le
  linkedin-oauth2
  liquid
  mail_view (~> 2)
  mini_magick
  minitest
  mixpanel
  mixpanel_client
  mocha
  money-rails
  nearest_time_zone
  nested_form
  newrelic_rpm
  nokogiri
  omniauth
  omniauth-facebook!
  omniauth-linkedin-oauth2
  omniauth-twitter
  paper_trail
  pg
  pickle
  premailer-rails
  quiet_assets
  rack-rewrite
  rails (= 3.2.15)
  rails3_acts_as_paranoid
  ranked-model
  raygun4ruby
  rb-fsevent
  rdiscount
  resque
  rest-client
  ri_cal
  ruby-prof
  sass
  sass-rails
  shoulda
  simple_form
  simplecov
  spectrum-rails
  spork-minitest!
  state_machine
  stripe
  thin
  timecop
  turn
  twilio-ruby
  twitter
  uglifier (~> 2.1.0)
  unicorn
  useragent
  vcr
  webmock
  will_paginate
