GIT
  remote: git://github.com/RubyMoney/money-rails.git
  revision: 9615936407b882c26a976e255130ccba9da9daf2
  specs:
    money-rails (1.6.1)
      activesupport (>= 3.0)
      monetize (~> 1.4.0)
      money (~> 6.7)
      railties (>= 3.0)

GIT
  remote: git://github.com/galetahub/ckeditor.git
  revision: 1a19367413e703c71652f57128ed85079eeca605
  specs:
    ckeditor (4.1.1)
      cocaine
      orm_adapter (~> 0.5.0)

GIT
  remote: git://github.com/jcarreti/store_base_sti_class.git
  revision: aa6be44e4f44b74b727304af0dbd1385493eadb5
  branch: rails4-2
  specs:
    store_base_sti_class (0.3.2)
      activerecord (>= 3.0.5)

GIT
  remote: git://github.com/mdyd-dev/jsonapi-serializers.git
  revision: 00de353117c32dcc5a3a726e706bf99807043aec
  branch: feature/namespace
  specs:
    jsonapi-serializers (0.13.1)
      activesupport

GIT
  remote: git://github.com/radar/paranoia.git
  revision: 2b050e8d130a1b5089407fbad6d74f77b1bad8a0
  branch: rails4
  specs:
    paranoia (2.1.3)
      activerecord (~> 4.0)

GIT
  remote: git://github.com/svenfuchs/i18n-active_record.git
  revision: 2d9a22b6a4e5d809782cdbfa65b14d9e47aa27fc
  specs:
    i18n-active_record (0.0.2)
      i18n (>= 0.5.0)

GIT
  remote: git://github.com/thedarkone/rails-dev-boost.git
  revision: a709a10b06b7d9fc4a9846bc613c60c86af9dd7c
  specs:
    rails-dev-boost (0.3.0)
      railties (>= 3.0)

GIT
  remote: git@github.com:mdyd-dev/rack-reverse-proxy.git
  revision: 45e26cfa1e08d4253ba97d0769c270c6bb546546
  specs:
    rack-reverse-proxy (0.11.1)
      rack (>= 1.0.0)
      rack-proxy (~> 0.5, >= 0.5.14)

PATH
  remote: vendor/gems/custom_attributes
  specs:
    custom_attributes (0.0.1)
      pg
      rails (~> 4.1)

PATH
  remote: vendor/gems/nearme
  specs:
    nearme (0.0.1)
      aws-sdk
      rubyzip (~> 1.1.0)
      thor (~> 0.19.0)

PATH
  remote: vendor/gems/recurring_select
  specs:
    recurring_select (1.2.1)
      coffee-rails (>= 3.1)
      ice_cube (>= 0.11)
      jquery-rails (>= 3.0)
      rails (>= 3.2)
      sass-rails (>= 3.1)

GEM
  remote: http://rubygems.org/
  specs:
    CFPropertyList (2.3.1)
    actionmailer (4.2.4)
      actionpack (= 4.2.4)
      actionview (= 4.2.4)
      activejob (= 4.2.4)
      mail (~> 2.5, >= 2.5.4)
      rails-dom-testing (~> 1.0, >= 1.0.5)
    actionpack (4.2.4)
      actionview (= 4.2.4)
      activesupport (= 4.2.4)
      rack (~> 1.6)
      rack-test (~> 0.6.2)
      rails-dom-testing (~> 1.0, >= 1.0.5)
      rails-html-sanitizer (~> 1.0, >= 1.0.2)
    actionview (4.2.4)
      activesupport (= 4.2.4)
      builder (~> 3.1)
      erubis (~> 2.7.0)
      rails-dom-testing (~> 1.0, >= 1.0.5)
      rails-html-sanitizer (~> 1.0, >= 1.0.2)
    active_model_serializers (0.8.3)
      activemodel (>= 3.0)
    active_record_query_trace (1.4)
    activejob (4.2.4)
      activesupport (= 4.2.4)
      globalid (>= 0.3.0)
    activemerchant (1.47.0)
      activesupport (>= 3.2.14, < 5.0.0)
      builder (>= 2.1.2, < 4.0.0)
      i18n (>= 0.6.9)
      nokogiri (~> 1.4)
    activemodel (4.2.4)
      activesupport (= 4.2.4)
      builder (~> 3.1)
    activerecord (4.2.4)
      activemodel (= 4.2.4)
      activesupport (= 4.2.4)
      arel (~> 6.0)
    activesupport (4.2.4)
      i18n (~> 0.7)
      json (~> 1.7, >= 1.7.7)
      minitest (~> 5.1)
      thread_safe (~> 0.3, >= 0.3.4)
      tzinfo (~> 1.1)
    acts-as-taggable-on (3.5.0)
      activerecord (>= 3.2, < 5)
    addressable (2.3.8)
    after_commit_action (0.1.4)
      activerecord (>= 3.0.0)
    amatch (0.3.0)
      tins (~> 1.0)
    andand (1.3.3)
    ansi (1.5.0)
    arel (6.0.3)
    ast (2.0.0)
    attr_encrypted (1.3.3)
      encryptor (>= 1.3.0)
    awesome_nested_set (3.0.2)
      activerecord (>= 4.0.0, < 5)
    awesome_print (1.6.1)
    aws-sdk (2.3.1)
      aws-sdk-resources (= 2.3.1)
    aws-sdk-core (2.3.1)
      jmespath (~> 1.0)
    aws-sdk-resources (2.3.1)
      aws-sdk-core (= 2.3.1)
    axiom-types (0.1.1)
      descendants_tracker (~> 0.0.4)
      ice_nine (~> 0.11.0)
      thread_safe (~> 0.3, >= 0.3.1)
    bcrypt (3.1.10)
    better_errors (2.1.1)
      coderay (>= 1.0.0)
      erubis (>= 2.6.6)
      rack (>= 0.9.0)
    binding_of_caller (0.7.2)
      debug_inspector (>= 0.0.1)
    braintree (2.46.0)
      builder (>= 2.0.0)
    buftok (0.2.0)
    builder (3.2.2)
    bullet (4.14.0)
      activesupport (>= 3.0.0)
      uniform_notifier (>= 1.6.0)
    byebug (5.0.0)
      columnize (= 0.9.0)
    capybara (2.4.4)
      mime-types (>= 1.16)
      nokogiri (>= 1.3.3)
      rack (>= 1.0.0)
      rack-test (>= 0.5.4)
      xpath (~> 2.0)
    capybara-screenshot (1.0.4)
      capybara (>= 1.0, < 3)
      colored
      launchy
    capybara-webkit (1.7.0)
      capybara (>= 2.3.0, < 2.6.0)
      json
    carmen (1.0.2)
      activesupport (>= 3.0.0)
    carrierwave (0.10.0)
      activemodel (>= 3.2.0)
      activesupport (>= 3.2.0)
      json (>= 1.7)
      mime-types (>= 1.16)
    celluloid (0.16.0)
      timers (~> 4.0.0)
    charlock_holmes (0.7.3)
    childprocess (0.5.6)
      ffi (~> 1.0, >= 1.0.11)
    chronic (0.9.1)
    climate_control (0.0.3)
      activesupport (>= 3.0)
    cocaine (0.5.7)
      climate_control (>= 0.0.3, < 1.0)
    cocoon (1.2.6)
    codeclimate-test-reporter (0.4.4)
      simplecov (>= 0.7.1, < 1.0.0)
    coderay (1.1.0)
    coercible (1.0.0)
      descendants_tracker (~> 0.0.1)
    coffee-rails (4.1.0)
      coffee-script (>= 2.2.0)
      railties (>= 4.0.0, < 5.0)
    coffee-script (2.3.0)
      coffee-script-source
      execjs
    coffee-script-source (1.8.0)
    colored (1.2)
    columnize (0.9.0)
    counter_culture (0.1.28)
      after_commit_action (~> 0.1.3)
    crack (0.4.2)
      safe_yaml (~> 1.0.0)
    crass (1.0.1)
    crummy (1.8.0)
    css_parser (1.3.6)
      addressable
    cucumber (1.3.19)
      builder (>= 2.1.2)
      diff-lcs (>= 1.1.3)
      gherkin (~> 2.12)
      multi_json (>= 1.7.5, < 2.0)
      multi_test (>= 0.1.2)
    cucumber-rails (1.4.2)
      capybara (>= 1.1.2, < 3)
      cucumber (>= 1.3.8, < 2)
      mime-types (>= 1.16, < 3)
      nokogiri (~> 1.5)
      rails (>= 3, < 5)
    daemons (1.1.9)
    database_cleaner (1.5.1)
    debug_inspector (0.0.2)
    declarative (0.0.5)
      uber (>= 0.0.15)
    delayed_job (4.1.1)
      activesupport (>= 3.0, < 5.0)
    delayed_job_active_record (4.1.0)
      activerecord (>= 3.0, < 5)
      delayed_job (>= 3.0, < 5)
    delayed_job_recurring (0.3.5)
      delayed_job (>= 3.0)
      delayed_job_active_record
    delayed_job_web (1.2.10)
      activerecord (> 3.0.0)
      delayed_job (> 2.0.3)
      sinatra (>= 1.4.4)
    descendants_tracker (0.0.4)
      thread_safe (~> 0.3, >= 0.3.1)
    devise (3.5.1)
      bcrypt (~> 3.0)
      orm_adapter (~> 0.1)
      railties (>= 3.2.6, < 5)
      responders
      thread_safe (~> 0.1)
      warden (~> 1.2.3)
    devise-token_authenticatable (0.4.0)
      devise (~> 3.5.0)
    diff-lcs (1.2.5)
    disposable (0.2.5)
      declarative (~> 0.0.4)
      representable (>= 2.4.0, <= 3.1.0)
      uber
    docile (1.1.5)
    domain_name (0.5.24)
      unf (>= 0.0.5, < 1.0.0)
    domainatrix (0.0.11)
      addressable
    draper (2.1.0)
      actionpack (>= 3.0)
      activemodel (>= 3.0)
      activesupport (>= 3.0)
      request_store (~> 1.0)
    elasticsearch (1.0.8)
      elasticsearch-api (= 1.0.7)
      elasticsearch-transport (= 1.0.7)
    elasticsearch-api (1.0.7)
      multi_json
    elasticsearch-model (0.1.6)
      activesupport (> 3)
      elasticsearch (> 0.4)
      hashie
    elasticsearch-persistence (0.1.7)
      activemodel (> 3)
      activesupport (> 3)
      elasticsearch (> 0.4)
      elasticsearch-model (>= 0.1)
      hashie
      virtus
    elasticsearch-rails (0.1.6)
    elasticsearch-transport (1.0.7)
      faraday
      multi_json
    email_spec (1.6.0)
      launchy (~> 2.1)
      mail (~> 2.2)
    encryptor (1.3.0)
    equalizer (0.0.9)
    erubis (2.7.0)
    escape (0.0.4)
    ethon (0.7.2)
      ffi (>= 1.3.0)
    eventmachine (1.0.5)
    excon (0.45.4)
    execjs (2.5.2)
    factory_girl (4.5.0)
      activesupport (>= 3.0.0)
    factory_girl_rails (4.5.0)
      factory_girl (~> 4.5.0)
      railties (>= 3.0.0)
    faraday (0.9.2)
      multipart-post (>= 1.2, < 3)
    faraday_middleware (0.9.2)
      faraday (>= 0.7.4, < 0.10)
    fast_stack (0.1.0)
      rake
      rake-compiler
    ffaker (1.32.1)
    ffi (1.9.6)
    figaro (1.0.0)
      thor (~> 0.14)
    fission (0.5.0)
      CFPropertyList (~> 2.2)
    flamegraph (0.1.0)
      fast_stack
    fog (1.34.0)
      fog-atmos
      fog-aws (>= 0.6.0)
      fog-brightbox (~> 0.4)
      fog-core (~> 1.32)
      fog-dynect (~> 0.0.2)
      fog-ecloud (~> 0.1)
      fog-google (>= 0.0.2)
      fog-json
      fog-local
      fog-powerdns (>= 0.1.1)
      fog-profitbricks
      fog-radosgw (>= 0.0.2)
      fog-riakcs
      fog-sakuracloud (>= 0.0.4)
      fog-serverlove
      fog-softlayer
      fog-storm_on_demand
      fog-terremark
      fog-vmfusion
      fog-voxel
      fog-xml (~> 0.1.1)
      ipaddress (~> 0.5)
      nokogiri (~> 1.5, >= 1.5.11)
    fog-atmos (0.1.0)
      fog-core
      fog-xml
    fog-aws (0.7.6)
      fog-core (~> 1.27)
      fog-json (~> 1.0)
      fog-xml (~> 0.1)
      ipaddress (~> 0.8)
    fog-brightbox (0.9.0)
      fog-core (~> 1.22)
      fog-json
      inflecto (~> 0.0.2)
    fog-core (1.32.1)
      builder
      excon (~> 0.45)
      formatador (~> 0.2)
      mime-types
      net-scp (~> 1.1)
      net-ssh (>= 2.1.3)
    fog-dynect (0.0.2)
      fog-core
      fog-json
      fog-xml
    fog-ecloud (0.3.0)
      fog-core
      fog-xml
    fog-google (0.0.9)
      fog-core
      fog-json
      fog-xml
    fog-json (1.0.2)
      fog-core (~> 1.0)
      multi_json (~> 1.10)
    fog-local (0.2.1)
      fog-core (~> 1.27)
    fog-powerdns (0.1.1)
      fog-core (~> 1.27)
      fog-json (~> 1.0)
      fog-xml (~> 0.1)
    fog-profitbricks (0.0.5)
      fog-core
      fog-xml
      nokogiri
    fog-radosgw (0.0.4)
      fog-core (>= 1.21.0)
      fog-json
      fog-xml (>= 0.0.1)
    fog-riakcs (0.1.0)
      fog-core
      fog-json
      fog-xml
    fog-sakuracloud (1.3.2)
      fog-core
      fog-json
    fog-serverlove (0.1.2)
      fog-core
      fog-json
    fog-softlayer (0.4.7)
      fog-core
      fog-json
    fog-storm_on_demand (0.1.1)
      fog-core
      fog-json
    fog-terremark (0.1.0)
      fog-core
      fog-xml
    fog-vmfusion (0.1.0)
      fission
      fog-core
    fog-voxel (0.1.0)
      fog-core
      fog-xml
    fog-xml (0.1.2)
      fog-core
      nokogiri (~> 1.5, >= 1.5.11)
    font-awesome-rails (4.3.0.0)
      railties (>= 3.2, < 5.0)
    formatador (0.2.5)
    friendly_id (5.1.0)
      activerecord (>= 4.0.0)
    geocoder (1.2.6)
    get_process_mem (0.2.0)
    gherkin (2.12.2)
      multi_json (~> 1.3)
    gibbon (1.1.4)
      httparty
      multi_json (>= 1.3.4)
    github_api (0.11.3)
      addressable (~> 2.3)
      descendants_tracker (~> 0.0.1)
      faraday (~> 0.8, < 0.10)
      hashie (>= 1.2)
      multi_json (>= 1.7.5, < 2.0)
      nokogiri (~> 1.6.0)
      oauth2
    globalid (0.3.6)
      activesupport (>= 4.1.0)
    googl (0.7.0)
      httparty (~> 0.10)
      json (>= 1.4.6)
    google_plus (0.2.4)
      json
      rest-client (~> 1.6)
    haml (4.0.7)
      tilt
    has_scope (0.6.0)
      actionpack (>= 3.2, < 5)
      activesupport (>= 3.2, < 5)
    hashie (3.4.3)
    hike (1.2.3)
    hitimes (1.2.2)
    hpricot (0.8.6)
    htmlentities (4.3.4)
    http (0.5.1)
      http_parser.rb
    http-cookie (1.0.2)
      domain_name (~> 0.5)
    http_parser.rb (0.6.0)
    httparty (0.13.5)
      json (~> 1.8)
      multi_xml (>= 0.5.2)
    httpclient (2.6.0.1)
    i18n (0.7.0)
    i18n_data (0.6.2)
    ice_cube (0.13.0)
    ice_nine (0.11.1)
    inflecto (0.0.2)
    inherited_resources (1.6.0)
      actionpack (>= 3.2, < 5)
      has_scope (~> 0.6.0.rc)
      railties (>= 3.2, < 5)
      responders
    instagram (1.1.6)
      faraday (>= 0.7, < 0.10)
      faraday_middleware (>= 0.8, < 0.10)
      hashie (>= 0.4.0)
      multi_json (~> 1.0, >= 1.0.3)
    ipaddress (0.8.0)
    jira-ruby (0.1.18)
      activesupport
      oauth (~> 0.4.7)
    jmespath (1.2.4)
      json_pure (>= 1.8.1)
    jquery-rails (4.0.4)
      rails-dom-testing (~> 1.0)
      railties (>= 4.2.0)
      thor (>= 0.14, < 2.0)
    json (1.8.3)
    json_pure (1.8.3)
    json_spec (1.1.4)
      multi_json (~> 1.0)
      rspec (>= 2.0, < 4.0)
    jwt (1.5.1)
    kdtree (0.3)
    kgio (2.9.2)
    koala (2.2.0)
      addressable
      faraday
      multi_json
    launchy (2.4.3)
      addressable (~> 2.3)
    le (2.6.1)
    linkedin-oauth2 (1.0.0)
      faraday (~> 0.9)
      hashie (~> 3.2)
      oauth2 (~> 1.0)
    liquid (3.0.6)
    listen (2.8.4)
      celluloid (>= 0.15.2)
      rb-fsevent (>= 0.9.3)
      rb-inotify (>= 0.9)
    loofah (2.0.3)
      nokogiri (>= 1.5.9)
    macaddr (1.7.1)
      systemu (~> 2.6.2)
    mail (2.6.3)
      mime-types (>= 1.16, < 3)
    mail_view (2.0.4)
      tilt
    mailcatcher (0.6.1)
      activesupport (>= 4.0.0, < 5)
      eventmachine (~> 1.0.0, <= 1.0.5)
      mail (~> 2.3)
      sinatra (~> 1.2)
      skinny (~> 0.2.3)
      sqlite3 (~> 1.3)
      thin (~> 1.5.0)
    maildir (2.1.0)
    mailman (0.7.2)
      activesupport (>= 2.3.4)
      i18n (>= 0.4.1)
      listen (~> 2.2)
      mail (>= 2.0.3)
      maildir (>= 0.5.0)
    memoizable (0.4.2)
      thread_safe (~> 0.3, >= 0.3.1)
    metaclass (0.0.4)
    method_source (0.8.2)
    mime-types (2.99)
    mini_magick (4.0.1)
    mini_portile2 (2.1.0)
    minitest (5.9.0)
    minitest-reporters (1.0.19)
      ansi
      builder
      minitest (>= 5.0)
      ruby-progressbar
    mixpanel (4.0.2)
      escape
      json
      rack
    mixpanel_client (4.1.1)
      typhoeus (~> 0.6.7)
    mocha (1.1.0)
      metaclass (~> 0.0.1)
    monetize (1.4.0)
      money (~> 6.7)
    money (6.7.1)
      i18n (>= 0.6.4, <= 0.7.0)
      sixarm_ruby_unaccent (>= 1.1.1, < 2)
    multi_json (1.11.2)
    multi_test (0.1.2)
    multi_xml (0.5.5)
    multipart-post (2.0.0)
    nearest_time_zone (0.0.3)
      andand
      kdtree
      require_all
    nested_form (0.3.2)
    net-scp (1.2.1)
      net-ssh (>= 2.6.5)
    net-ssh (3.0.1)
    netrc (0.10.3)
    newrelic_rpm (3.9.9.275)
    nokogiri (1.6.8)
      mini_portile2 (~> 2.1.0)
      pkg-config (~> 1.1.7)
    nokogumbo (1.2.0)
      nokogiri
    oauth (0.4.7)
    oauth2 (1.0.0)
      faraday (>= 0.8, < 0.10)
      jwt (~> 1.0)
      multi_json (~> 1.3)
      multi_xml (~> 0.5)
      rack (~> 1.2)
    omniauth (1.2.2)
      hashie (>= 1.2, < 4)
      rack (~> 1.0)
    omniauth-facebook (2.0.1)
      omniauth-oauth2 (~> 1.2)
    omniauth-github (1.1.2)
      omniauth (~> 1.0)
      omniauth-oauth2 (~> 1.1)
    omniauth-google-oauth2 (0.2.6)
      omniauth (> 1.0)
      omniauth-oauth2 (~> 1.1)
    omniauth-instagram (1.0.1)
      omniauth (~> 1.0)
      omniauth-oauth2 (~> 1.0)
    omniauth-linkedin (0.2.0)
      omniauth-oauth (~> 1.0)
    omniauth-linkedin-oauth2 (0.1.5)
      omniauth (~> 1.0)
      omniauth-oauth2
    omniauth-oauth (1.0.1)
      oauth
      omniauth (~> 1.0)
    omniauth-oauth2 (1.3.1)
      oauth2 (~> 1.0)
      omniauth (~> 1.2)
    omniauth-saml (1.4.1)
      omniauth (~> 1.1)
      ruby-saml (~> 1.0.0)
    omniauth-twitter (1.1.0)
      multi_json (~> 1.3)
      omniauth-oauth (~> 1.0)
    orm_adapter (0.5.0)
    paper_trail (5.2.0)
      activerecord (>= 3.0, < 6.0)
      activesupport (>= 3.0, < 6.0)
      request_store (~> 1.1)
    parallel (1.4.1)
    parallel_tests (1.3.7)
      parallel
    parser (2.2.2.3)
      ast (>= 1.1, < 3.0)
    patron (0.4.20)
    paypal-sdk-adaptivepayments (1.117.0)
      paypal-sdk-core (~> 0.3.0)
    paypal-sdk-core (0.3.1)
      multi_json (~> 1.0)
      xml-simple
    paypal-sdk-merchant (1.117.1)
      paypal-sdk-core (~> 0.3.0)
    paypal-sdk-rest (1.3.2)
      multi_json (~> 1.0)
      uuidtools (~> 2.1)
      xml-simple
    pg (0.18.2)
    pickle (0.5.1)
      cucumber (>= 0.8)
      rake
    pkg-config (1.1.7)
    premailer (1.8.4)
      css_parser (>= 1.3.6)
      htmlentities (>= 4.0.0)
    premailer-rails (1.8.2)
      actionmailer (>= 3, < 5)
      premailer (~> 1.7, >= 1.7.9)
    pry (0.10.1)
      coderay (~> 1.1.0)
      method_source (~> 0.8.1)
      slop (~> 3.4)
    pry-doc (0.6.0)
      pry (~> 0.9)
      yard (~> 0.8)
    pry-nav (0.2.4)
      pry (>= 0.9.10, < 0.11.0)
    pry-rails (0.3.2)
      pry (>= 0.9.10)
    pry-stack_explorer (0.4.9.2)
      binding_of_caller (>= 0.7)
      pry (>= 0.9.11)
    quiet_assets (1.1.0)
      railties (>= 3.1, < 5.0)
    rabl (0.9.4.pre1)
      activesupport (>= 2.3.14)
    rack (1.6.4)
    rack-mini-profiler (0.9.3)
      rack (>= 1.1.3)
    rack-protection (1.5.3)
      rack
    rack-proxy (0.6.0)
      rack
    rack-rewrite (1.5.1)
    rack-test (0.6.3)
      rack (>= 1.0)
    rack-throttle (0.4.0)
      rack (>= 1.0.0)
    rails (4.2.4)
      actionmailer (= 4.2.4)
      actionpack (= 4.2.4)
      actionview (= 4.2.4)
      activejob (= 4.2.4)
      activemodel (= 4.2.4)
      activerecord (= 4.2.4)
      activesupport (= 4.2.4)
      bundler (>= 1.3.0, < 2.0)
      railties (= 4.2.4)
      sprockets-rails
    rails-deprecated_sanitizer (1.0.3)
      activesupport (>= 4.2.0.alpha)
    rails-dom-testing (1.0.7)
      activesupport (>= 4.2.0.beta, < 5.0)
      nokogiri (~> 1.6.0)
      rails-deprecated_sanitizer (>= 1.0.1)
    rails-html-sanitizer (1.0.3)
      loofah (~> 2.0)
    rails-perftest (0.0.5)
    rails_autolink (1.1.6)
      rails (> 3.1)
    railties (4.2.4)
      actionpack (= 4.2.4)
      activesupport (= 4.2.4)
      rake (>= 0.8.7)
      thor (>= 0.18.1, < 2.0)
    raindrops (0.13.0)
    rake (11.1.2)
    rake-compiler (0.9.5)
      rake
    ranked-model (0.4.0)
      activerecord (>= 3.1.12)
    raygun4ruby (1.1.4)
      httparty (~> 0.11)
      json
      rack
    rb-fsevent (0.9.4)
    rb-inotify (0.9.5)
      ffi (>= 0.5.0)
    rdiscount (2.1.7.1)
    redcarpet (3.3.4)
    redis (3.2.0)
    redis-actionpack (4.0.0)
      actionpack (~> 4)
      redis-rack (~> 1.5.0)
      redis-store (~> 1.1.0)
    redis-activesupport (4.0.0)
      activesupport (~> 4)
      redis-store (~> 1.1.0)
    redis-rack (1.5.0)
      rack (~> 1.5)
      redis-store (~> 1.1.0)
    redis-rails (4.0.0)
      redis-actionpack (~> 4)
      redis-activesupport (~> 4)
      redis-store (~> 1.1.0)
    redis-store (1.1.4)
      redis (>= 2.2)
    reform (2.1.0)
      disposable (>= 0.2.2, < 0.3.0)
      representable (>= 2.4.0, < 3.1.0)
      uber (~> 0.0.11)
    representable (3.0.0)
      declarative (~> 0.0.5)
      uber (~> 0.0.15)
    request_store (1.3.0)
    require_all (1.3.2)
    responders (2.1.0)
      railties (>= 4.2.0, < 5)
    rest-client (1.8.0)
      http-cookie (>= 1.0.2, < 2.0)
      mime-types (>= 1.16, < 3.0)
      netrc (~> 0.7)
    ri_cal (0.8.8)
    routing-filter (0.5.0)
      actionpack (~> 4.2)
      activesupport (~> 4.2)
    rspec (2.14.1)
      rspec-core (~> 2.14.0)
      rspec-expectations (~> 2.14.0)
      rspec-mocks (~> 2.14.0)
    rspec-core (2.14.8)
    rspec-expectations (2.14.5)
      diff-lcs (>= 1.1.3, < 2.0)
    rspec-mocks (2.14.6)
    ruby-prof (0.15.8)
    ruby-progressbar (1.7.5)
    ruby-saml (1.0.0)
      nokogiri (>= 1.5.10)
      uuid (~> 2.3)
    rubyzip (1.1.6)
    safe_yaml (1.0.4)
    sanitize (3.1.0)
      crass (~> 1.0.1)
      nokogiri (>= 1.4.4)
      nokogumbo (= 1.2.0)
    sass (3.4.21)
    sass-rails (5.0.4)
      railties (>= 4.0.0, < 5.0)
      sass (~> 3.1)
      sprockets (>= 2.8, < 4.0)
      sprockets-rails (>= 2.0, < 4.0)
      tilt (>= 1.1, < 3)
    selenium-webdriver (2.47.1)
      childprocess (~> 0.5)
      multi_json (~> 1.0)
      rubyzip (~> 1.0)
      websocket (~> 1.0)
    shippo (1.0.3)
      json (~> 1.8.1)
      mime-types (>= 1.25, < 3.0)
      rest-client (~> 1.4)
    shoulda (3.5.0)
      shoulda-context (~> 1.0, >= 1.0.1)
      shoulda-matchers (>= 1.4.1, < 3.0)
    shoulda-context (1.2.1)
    shoulda-matchers (2.7.0)
      activesupport (>= 3.0.0)
    simple_form (3.1.0)
      actionpack (~> 4.0)
      activemodel (~> 4.0)
    simple_oauth (0.2.0)
    simplecov (0.9.1)
      docile (~> 1.1.0)
      multi_json (~> 1.0)
      simplecov-html (~> 0.8.0)
    simplecov-html (0.8.0)
    simplecov-rcov-text (0.0.3)
    sinatra (1.4.6)
      rack (~> 1.4)
      rack-protection (~> 1.4)
      tilt (>= 1.3, < 3)
    sixarm_ruby_unaccent (1.1.1)
    skinny (0.2.3)
      eventmachine (~> 1.0.0)
      thin (~> 1.5.0)
    slack-notifier (1.5.1)
    slop (3.6.0)
    spring (1.7.1)
    spring-commands-cucumber (1.0.1)
      spring (>= 0.9.1)
    sprockets (2.11.0)
      hike (~> 1.2)
      multi_json (~> 1.0)
      rack (~> 1.0)
      tilt (~> 1.1, != 1.3.0)
    sprockets-rails (2.3.2)
      actionpack (>= 3.0)
      activesupport (>= 3.0)
      sprockets (>= 2.8, < 4.0)
    sqlite3 (1.3.10)
    state_machine (1.2.0)
    state_machines (0.4.0)
    state_machines-activemodel (0.3.0)
      activemodel (~> 4.1)
      state_machines (>= 0.4.0)
    state_machines-activerecord (0.3.0)
      activerecord (~> 4.1)
      state_machines-activemodel (>= 0.3.0)
    stringex (2.5.2)
    stripe (1.22.0)
      json (~> 1.8.1)
      rest-client (~> 1.4)
    systemu (2.6.5)
    test_after_commit (0.4.1)
      activerecord (>= 3.2)
    thin (1.5.1)
      daemons (>= 1.0.9)
      eventmachine (>= 0.12.6)
      rack (>= 1.0.0)
    thor (0.19.1)
    thread_safe (0.3.5)
    tilt (1.4.1)
    timers (4.0.1)
      hitimes
    tins (1.3.3)
    twilio-ruby (3.11.6)
      builder (>= 2.1.2)
      jwt (>= 0.1.2)
      multi_json (>= 1.3.0)
    twitter (5.5.1)
      addressable (~> 2.3)
      buftok (~> 0.2.0)
      descendants_tracker (~> 0.0.3)
      equalizer (~> 0.0.9)
      faraday (>= 0.8, < 0.10)
      http (~> 0.5.0)
      http_parser.rb (~> 0.6.0)
      json (~> 1.8)
      memoizable (~> 0.4.0)
      simple_oauth (~> 0.2.0)
    typhoeus (0.6.9)
      ethon (>= 0.7.1)
    tzinfo (1.2.2)
      thread_safe (~> 0.1)
    uber (0.0.15)
    unf (0.1.4)
      unf_ext
    unf_ext (0.0.6)
    unicorn (4.8.3)
      kgio (~> 2.6)
      rack
      raindrops (~> 0.7)
    unicorn-worker-killer (0.4.3)
      get_process_mem (~> 0)
      unicorn (~> 4)
    uniform_notifier (1.6.2)
    useragent (0.10.0)
    uuid (2.3.8)
      macaddr (~> 1.0)
    uuidtools (2.1.5)
    validate_url (1.0.2)
      activemodel (>= 3.0.0)
      addressable
    vcr (2.9.3)
    video_info (2.4.2)
      addressable
      htmlentities
      multi_json
    virtus (1.0.5)
      axiom-types (~> 0.1)
      coercible (~> 1.0)
      descendants_tracker (~> 0.0, >= 0.0.3)
      equalizer (~> 0.0, >= 0.0.9)
    voight_kampff (0.2.2)
      httpclient (~> 2.2)
      nokogiri (~> 1.6)
    warden (1.2.3)
      rack (>= 1.0)
    web-console (2.1.2)
      activemodel (>= 4.0)
      binding_of_caller (>= 0.7.2)
      railties (>= 4.0)
      sprockets-rails (>= 2.0, < 4.0)
    webmock (1.17.4)
      addressable (>= 2.2.7)
      crack (>= 0.3.2)
    websocket (1.2.2)
    wicked (1.1.0)
      rails (>= 3.0.7)
    will_paginate (3.0.7)
    xml-simple (1.1.4)
    xpath (2.0.0)
      nokogiri (~> 1.3)
    yard (0.8.7.6)

PLATFORMS
  ruby

DEPENDENCIES
  active_model_serializers (~> 0.8.1)
  active_record_query_trace
  activemerchant
  acts-as-taggable-on (~> 3.4)
  addressable
  after_commit_action
  amatch
  ansi
  attr_encrypted
  awesome_nested_set
  awesome_print
  aws-sdk
  better_errors
  binding_of_caller
  braintree (= 2.46.0)
  bullet
  byebug
  capybara (= 2.4.4)
  capybara-screenshot
  capybara-webkit (= 1.7.0)
  carmen
  carrierwave
  charlock_holmes (~> 0.7.3)
  chronic (~> 0.9.1)
  ckeditor!
  cocoon
  codeclimate-test-reporter
  counter_culture
  crummy
  cucumber (~> 1.3.0)
  cucumber-rails (~> 1.4.0)
  custom_attributes!
  daemons
  database_cleaner
  delayed_job_active_record
  delayed_job_recurring
  delayed_job_web
  devise (~> 3.5.0)
  devise-token_authenticatable
  domainatrix
  draper
  elasticsearch-model
  elasticsearch-persistence
  elasticsearch-rails
  email_spec
  factory_girl_rails (~> 4.5.0)
  faraday (~> 0.9)
  ffaker (~> 1.16)
  figaro
  flamegraph
  fog
  font-awesome-rails
  friendly_id (~> 5.1)
  geocoder
  gibbon
  github_api
  googl
  google_plus
  haml
  hpricot
  i18n-active_record!
  i18n_data
  ice_cube
  inherited_resources (~> 1.6)
  instagram
  jira-ruby
  json_spec
  jsonapi-serializers!
  koala
  launchy
  le
  linkedin-oauth2 (~> 1.0)
  liquid (= 3.0.6)
  mail_view (~> 2)
  mailcatcher
  mailman
  mini_magick (~> 4.0.1)
  minitest
  minitest-reporters (~> 1.0.10)
  mixpanel (= 4.0.2)
  mixpanel_client
  mocha
  money-rails!
  nearest_time_zone
  nearme!
  nested_form
  newrelic_rpm
  nokogiri (~> 1.6.0)
  omniauth
  omniauth-facebook
  omniauth-github
  omniauth-google-oauth2
  omniauth-instagram
  omniauth-linkedin
  omniauth-linkedin-oauth2
  omniauth-saml
  omniauth-twitter
  orm_adapter (~> 0.5.0)
  paper_trail (= 5.2.0)
  parallel_tests
  paranoia!
  parser
  patron
  paypal-sdk-adaptivepayments
  paypal-sdk-merchant
  paypal-sdk-rest (~> 1.3.2)
  pg
  pickle (~> 0.5.1)
  premailer-rails
  pry-doc
  pry-nav
  pry-rails
  pry-stack_explorer
  quiet_assets
  rabl
  rack-mini-profiler
  rack-reverse-proxy!
  rack-rewrite
  rack-throttle
  rails (= 4.2.4)
  rails-dev-boost!
  rails-perftest
  rails_autolink
  ranked-model
  raygun4ruby
  rdiscount
  recurring_select!
  redcarpet
  redis
  redis-rails (~> 4.0.0)
  reform (~> 2.1.0)
  rest-client
  ri_cal
  routing-filter (~> 0.5.0)
  rspec (= 2.14.1)
  ruby-prof
  sanitize
  selenium-webdriver
  shippo
  shoulda
  simple_form (~> 3.1)
  simplecov
  simplecov-rcov-text
  slack-notifier
  spring
  spring-commands-cucumber
  sprockets
  sprockets-rails
  state_machine (~> 1.2.0)
  state_machines-activerecord
  store_base_sti_class!
  stringex
  stripe
  test_after_commit
  thin
  tilt
  twilio-ruby
  twitter (~> 5.5.1)
  unicorn
  unicorn-worker-killer
  useragent
  validate_url
  vcr
  video_info
  voight_kampff
  web-console (~> 2.0)
  webmock (= 1.17.4)
  wicked
  will_paginate

RUBY VERSION
   ruby 2.2.4p230

BUNDLED WITH
   1.13.2
