PATH
  remote: .
  specs:
    sendle_api (0.0.1)
      faraday
      faraday_middleware
      unf_ext

GEM
  remote: https://rubygems.org/
  specs:
    addressable (2.4.0)
    ansi (1.5.0)
    builder (3.2.2)
    crack (0.4.3)
      safe_yaml (~> 1.0.0)
    faraday (0.9.2)
      multipart-post (>= 1.2, < 3)
    faraday_middleware (0.9.2)
      faraday (>= 0.7.4, < 0.10)
    hashdiff (0.3.0)
    minispec-metadata (2.0.0)
      minitest
    minitest (5.9.1)
    minitest-reporters (1.1.11)
      ansi
      builder
      minitest (>= 5.0)
      ruby-progressbar
    minitest-vcr (1.4.0)
      minispec-metadata (~> 2.0)
      minitest (>= 4.7.5)
      vcr (>= 2.9)
    multipart-post (2.0.0)
    rake (11.3.0)
    ruby-progressbar (1.8.1)
    safe_yaml (1.0.4)
    unf_ext (0.0.7.2)
    vcr (3.0.3)
    webmock (2.1.0)
      addressable (>= 2.3.6)
      crack (>= 0.3.2)
      hashdiff

PLATFORMS
  ruby

DEPENDENCIES
  minitest
  minitest-reporters
  minitest-vcr
  rake
  sendle_api!
  vcr
  webmock

RUBY VERSION
   ruby 2.2.5p319

BUNDLED WITH
   1.13.2
